STORAGE: NONE
RESTRICTION: || (== net46) (== netcoreapp2.0) (== netstandard1.6) (== netstandard2.0)
NUGET
  remote: https://www.nuget.org/api/v2
    dotnet-xunit (2.3.1) - clitool: true
      Microsoft.NETCore.App (>= 1.0) - restriction: || (&& (== net46) (>= netcoreapp1.0)) (== netcoreapp2.0) (&& (== netstandard1.6) (>= netcoreapp1.0)) (&& (== netstandard2.0) (>= netcoreapp1.0))
    Microsoft.CodeCoverage (1.0.3)
    Microsoft.CSharp (4.4.1) - restriction: || (&& (== net46) (>= netcoreapp1.0)) (&& (== net46) (>= uap10.0)) (== netcoreapp2.0) (&& (== netstandard1.6) (>= netcoreapp1.0)) (&& (== netstandard1.6) (>= uap10.0)) (&& (== netstandard2.0) (>= netcoreapp1.0)) (&& (== netstandard2.0) (>= uap10.0))
    Microsoft.DotNet.PlatformAbstractions (2.0.4) - restriction: || (&& (== net46) (>= netcoreapp1.0)) (== netcoreapp2.0) (&& (== netstandard1.6) (>= netcoreapp1.0)) (&& (== netstandard2.0) (>= netcoreapp1.0))
      System.AppContext (>= 4.1) - restriction: || (&& (== net46) (< net45)) (== netcoreapp2.0) (== netstandard1.6) (== netstandard2.0)
      System.Collections (>= 4.0.11) - restriction: || (&& (== net46) (< net45)) (== netcoreapp2.0) (== netstandard1.6) (== netstandard2.0)
      System.IO (>= 4.1) - restriction: || (&& (== net46) (< net45)) (== netcoreapp2.0) (== netstandard1.6) (== netstandard2.0)
      System.IO.FileSystem (>= 4.0.1) - restriction: || (&& (== net46) (< net45)) (== netcoreapp2.0) (== netstandard1.6) (== netstandard2.0)
      System.Reflection.TypeExtensions (>= 4.1) - restriction: || (&& (== net46) (< net45)) (== netcoreapp2.0) (== netstandard1.6) (== netstandard2.0)
      System.Runtime.Extensions (>= 4.1) - restriction: || (&& (== net46) (< net45)) (== netcoreapp2.0) (== netstandard1.6) (== netstandard2.0)
      System.Runtime.InteropServices (>= 4.1) - restriction: || (&& (== net46) (< net45)) (== netcoreapp2.0) (== netstandard1.6) (== netstandard2.0)
      System.Runtime.InteropServices.RuntimeInformation (>= 4.0) - restriction: || (&& (== net46) (< net45)) (== netcoreapp2.0) (== netstandard1.6) (== netstandard2.0)
    Microsoft.Extensions.DependencyModel (2.0.4) - restriction: || (&& (== net46) (>= netcoreapp1.0)) (== netcoreapp2.0) (&& (== netstandard1.6) (>= netcoreapp1.0)) (&& (== netstandard2.0) (>= netcoreapp1.0))
      Microsoft.DotNet.PlatformAbstractions (>= 2.0.4)
      Newtonsoft.Json (>= 9.0.1)
      System.Diagnostics.Debug (>= 4.0.11) - restriction: || (&& (== net46) (< net451)) (== netcoreapp2.0) (== netstandard1.6) (== netstandard2.0)
      System.Dynamic.Runtime (>= 4.0.11) - restriction: || (&& (== net46) (< net451)) (== netcoreapp2.0) (== netstandard1.6) (== netstandard2.0)
      System.Linq (>= 4.1) - restriction: || (&& (== net46) (< net451)) (== netcoreapp2.0) (== netstandard1.6) (== netstandard2.0)
    Microsoft.NET.Test.Sdk (15.5)
      Microsoft.CodeCoverage (>= 1.0.3)
      Microsoft.TestPlatform.TestHost (>= 15.5)
    Microsoft.NETCore.App (2.0.5) - restriction: || (&& (== net46) (>= netcoreapp1.0)) (== netcoreapp2.0) (&& (== netstandard1.6) (>= netcoreapp1.0)) (&& (== netstandard2.0) (>= netcoreapp1.0))
      Microsoft.NETCore.DotNetHostPolicy (>= 2.0.5) - restriction: || (&& (== net46) (>= netcoreapp2.0)) (== netcoreapp2.0) (&& (== netstandard1.6) (>= netcoreapp2.0)) (&& (== netstandard2.0) (>= netcoreapp2.0))
      Microsoft.NETCore.Platforms (>= 2.0.1) - restriction: || (&& (== net46) (>= netcoreapp2.0)) (== netcoreapp2.0) (&& (== netstandard1.6) (>= netcoreapp2.0)) (&& (== netstandard2.0) (>= netcoreapp2.0))
      NETStandard.Library (>= 2.0.1) - restriction: || (&& (== net46) (>= netcoreapp2.0)) (== netcoreapp2.0) (&& (== netstandard1.6) (>= netcoreapp2.0)) (&& (== netstandard2.0) (>= netcoreapp2.0))
    Microsoft.NETCore.DotNetAppHost (2.0.5) - restriction: || (&& (== net46) (>= netcoreapp2.0)) (== netcoreapp2.0) (&& (== netstandard1.6) (>= netcoreapp2.0)) (&& (== netstandard2.0) (>= netcoreapp2.0))
    Microsoft.NETCore.DotNetHostPolicy (2.0.5) - restriction: || (&& (== net46) (>= netcoreapp2.0)) (== netcoreapp2.0) (&& (== netstandard1.6) (>= netcoreapp2.0)) (&& (== netstandard2.0) (>= netcoreapp2.0))
      Microsoft.NETCore.DotNetHostResolver (>= 2.0.5)
    Microsoft.NETCore.DotNetHostResolver (2.0.5) - restriction: || (&& (== net46) (>= netcoreapp2.0)) (== netcoreapp2.0) (&& (== netstandard1.6) (>= netcoreapp2.0)) (&& (== netstandard2.0) (>= netcoreapp2.0))
      Microsoft.NETCore.DotNetAppHost (>= 2.0.5)
    Microsoft.NETCore.Platforms (2.0.1) - restriction: || (&& (== net46) (>= monotouch)) (&& (== net46) (< net45)) (&& (== net46) (< net452)) (&& (== net46) (>= netcoreapp2.0)) (&& (== net46) (< netstandard1.0)) (&& (== net46) (< netstandard1.3) (>= wpa81)) (&& (== net46) (< portable-net45+win8+wpa81)) (&& (== net46) (< portable-net451+win81+wpa81)) (&& (== net46) (>= uap10.0)) (&& (== net46) (>= xamarinios)) (&& (== net46) (>= xamarinmac)) (&& (== net46) (>= xamarintvos)) (&& (== net46) (>= xamarinwatchos)) (== netcoreapp2.0) (== netstandard1.6) (== netstandard2.0)
    Microsoft.NETCore.Targets (2.0) - restriction: || (&& (== net46) (>= netcoreapp1.0)) (&& (== net46) (>= netcoreapp1.1)) (&& (== net46) (>= uap10.0)) (== netcoreapp2.0) (&& (== netstandard1.6) (>= netcoreapp1.0)) (&& (== netstandard1.6) (>= netcoreapp1.1)) (&& (== netstandard1.6) (>= uap10.0)) (&& (== netstandard2.0) (>= netcoreapp1.0)) (&& (== netstandard2.0) (>= netcoreapp1.1)) (&& (== netstandard2.0) (>= uap10.0))
    Microsoft.TestPlatform.ObjectModel (15.5) - restriction: || (&& (== net46) (>= netcoreapp1.0)) (&& (== net46) (>= uap10.0)) (== netcoreapp2.0) (&& (== netstandard1.6) (>= netcoreapp1.0)) (&& (== netstandard1.6) (>= uap10.0)) (&& (== netstandard2.0) (>= netcoreapp1.0)) (&& (== netstandard2.0) (>= uap10.0))
      NETStandard.Library (>= 1.6) - restriction: || (&& (== net46) (< net451) (>= netstandard1.5)) (== netcoreapp2.0) (== netstandard1.6) (== netstandard2.0)
      System.ComponentModel.EventBasedAsync (>= 4.0.11) - restriction: || (&& (== net46) (< net451) (>= netstandard1.5)) (== netcoreapp2.0) (== netstandard1.6) (== netstandard2.0)
      System.ComponentModel.TypeConverter (>= 4.1) - restriction: || (&& (== net46) (< net451) (>= netstandard1.4)) (&& (== net46) (< net451) (>= netstandard1.5)) (== netcoreapp2.0) (== netstandard1.6) (== netstandard2.0)
      System.Diagnostics.Process (>= 4.1) - restriction: || (&& (== net46) (< net451) (>= netstandard1.5)) (== netcoreapp2.0) (== netstandard1.6) (== netstandard2.0)
      System.Diagnostics.TextWriterTraceListener (>= 4.0) - restriction: || (&& (== net46) (< net451) (>= netstandard1.5)) (== netcoreapp2.0) (== netstandard1.6) (== netstandard2.0)
      System.Diagnostics.TraceSource (>= 4.0) - restriction: || (&& (== net46) (< net451) (>= netstandard1.5)) (== netcoreapp2.0) (== netstandard1.6) (== netstandard2.0)
      System.Reflection.Metadata (>= 1.3)
      System.Reflection.TypeExtensions (>= 4.1) - restriction: || (&& (== net46) (< net451) (>= netstandard1.5)) (== netcoreapp2.0) (== netstandard1.6) (== netstandard2.0)
      System.Runtime.InteropServices.RuntimeInformation (>= 4.0) - restriction: || (&& (== net46) (< net451) (>= netstandard1.4)) (&& (== net46) (< net451) (>= netstandard1.5)) (== netcoreapp2.0) (== netstandard1.6) (== netstandard2.0)
      System.Runtime.Loader (>= 4.0) - restriction: || (&& (== net46) (< net451) (>= netstandard1.5)) (== netcoreapp2.0) (== netstandard1.6) (== netstandard2.0)
      System.Runtime.Serialization.Json (>= 4.0.2) - restriction: || (&& (== net46) (< net451) (>= netstandard1.5)) (== netcoreapp2.0) (== netstandard1.6) (== netstandard2.0)
      System.Runtime.Serialization.Primitives (>= 4.1.1) - restriction: || (&& (== net46) (< net451) (>= netstandard1.5)) (== netcoreapp2.0) (== netstandard1.6) (== netstandard2.0)
      System.Threading.Thread (>= 4.0) - restriction: || (&& (== net46) (< net451) (>= netstandard1.5)) (== netcoreapp2.0) (== netstandard1.6) (== netstandard2.0)
      System.Xml.XPath.XmlDocument (>= 4.0.1) - restriction: || (&& (== net46) (< net451) (>= netstandard1.5)) (== netcoreapp2.0) (== netstandard1.6) (== netstandard2.0)
    Microsoft.TestPlatform.TestHost (15.5)
      Microsoft.Extensions.DependencyModel (>= 1.0.3) - restriction: || (&& (== net46) (>= netcoreapp1.0)) (== netcoreapp2.0) (&& (== netstandard1.6) (>= netcoreapp1.0)) (&& (== netstandard2.0) (>= netcoreapp1.0))
      Microsoft.TestPlatform.ObjectModel (>= 15.5) - restriction: || (&& (== net46) (>= netcoreapp1.0)) (&& (== net46) (>= uap10.0)) (== netcoreapp2.0) (&& (== netstandard1.6) (>= netcoreapp1.0)) (&& (== netstandard1.6) (>= uap10.0)) (&& (== netstandard2.0) (>= netcoreapp1.0)) (&& (== netstandard2.0) (>= uap10.0))
      Newtonsoft.Json (>= 9.0.1) - restriction: || (&& (== net46) (>= netcoreapp1.0)) (&& (== net46) (>= uap10.0)) (== netcoreapp2.0) (&& (== netstandard1.6) (>= netcoreapp1.0)) (&& (== netstandard1.6) (>= uap10.0)) (&& (== netstandard2.0) (>= netcoreapp1.0)) (&& (== netstandard2.0) (>= uap10.0))
    Microsoft.Win32.Primitives (4.3) - restriction: || (&& (== net46) (>= netcoreapp1.0)) (&& (== net46) (>= netstandard1.5) (>= uap10.0)) (== netcoreapp2.0) (&& (== netstandard1.6) (>= netcoreapp1.0)) (&& (== netstandard1.6) (>= uap10.0)) (&& (== netstandard2.0) (>= netcoreapp1.0)) (&& (== netstandard2.0) (>= uap10.0))
      Microsoft.NETCore.Platforms (>= 1.1) - restriction: || (== netcoreapp2.0) (== netstandard1.6) (== netstandard2.0)
      Microsoft.NETCore.Targets (>= 1.1) - restriction: || (== netcoreapp2.0) (== netstandard1.6) (== netstandard2.0)
      System.Runtime (>= 4.3) - restriction: || (== netcoreapp2.0) (== netstandard1.6) (== netstandard2.0)
    Microsoft.Win32.Registry (4.4) - restriction: || (&& (== net46) (>= netcoreapp1.0)) (&& (== net46) (>= netstandard1.5) (>= uap10.0)) (== netcoreapp2.0) (&& (== netstandard1.6) (>= netcoreapp1.0)) (&& (== netstandard1.6) (>= uap10.0)) (&& (== netstandard2.0) (>= netcoreapp1.0)) (&& (== netstandard2.0) (>= uap10.0))
      Microsoft.NETCore.Platforms (>= 2.0) - restriction: || (&& (== net46) (>= netcoreapp2.0)) (== netcoreapp2.0) (&& (== netstandard1.6) (>= netcoreapp2.0)) (&& (== netstandard2.0) (>= netcoreapp2.0))
      System.Security.AccessControl (>= 4.4) - restriction: || (&& (== net46) (>= monoandroid) (< netstandard1.3)) (&& (== net46) (>= monotouch)) (&& (== net46) (>= net461)) (&& (== net46) (>= netcoreapp2.0)) (&& (== net46) (>= xamarinios)) (&& (== net46) (>= xamarinmac)) (&& (== net46) (>= xamarintvos)) (&& (== net46) (>= xamarinwatchos)) (== netcoreapp2.0) (&& (== netstandard1.6) (>= monoandroid) (< netstandard1.3)) (&& (== netstandard1.6) (>= monotouch)) (&& (== netstandard1.6) (>= net461)) (&& (== netstandard1.6) (>= netcoreapp2.0)) (&& (== netstandard1.6) (>= netstandard2.0)) (&& (== netstandard1.6) (>= xamarinios)) (&& (== netstandard1.6) (>= xamarinmac)) (&& (== netstandard1.6) (>= xamarintvos)) (&& (== netstandard1.6) (>= xamarinwatchos)) (== netstandard2.0)
      System.Security.Principal.Windows (>= 4.4) - restriction: || (&& (== net46) (>= monoandroid) (< netstandard1.3)) (&& (== net46) (>= monotouch)) (&& (== net46) (>= net461)) (&& (== net46) (>= netcoreapp2.0)) (&& (== net46) (>= xamarinios)) (&& (== net46) (>= xamarinmac)) (&& (== net46) (>= xamarintvos)) (&& (== net46) (>= xamarinwatchos)) (== netcoreapp2.0) (&& (== netstandard1.6) (>= monoandroid) (< netstandard1.3)) (&& (== netstandard1.6) (>= monotouch)) (&& (== netstandard1.6) (>= net461)) (&& (== netstandard1.6) (>= netcoreapp2.0)) (&& (== netstandard1.6) (>= netstandard2.0)) (&& (== netstandard1.6) (>= xamarinios)) (&& (== netstandard1.6) (>= xamarinmac)) (&& (== netstandard1.6) (>= xamarintvos)) (&& (== netstandard1.6) (>= xamarinwatchos)) (== netstandard2.0)
    NETStandard.Library (2.0.1) - restriction: || (&& (== net46) (< net452)) (&& (== net46) (>= netcoreapp1.0)) (&& (== net46) (>= netcoreapp2.0)) (&& (== net46) (>= uap10.0)) (== netcoreapp2.0) (== netstandard1.6) (== netstandard2.0)
      Microsoft.NETCore.Platforms (>= 1.1)
    Newtonsoft.Json (10.0.3) - restriction: || (&& (== net46) (>= netcoreapp1.0)) (&& (== net46) (>= uap10.0)) (== netcoreapp2.0) (&& (== netstandard1.6) (>= netcoreapp1.0)) (&& (== netstandard1.6) (>= uap10.0)) (&& (== netstandard2.0) (>= netcoreapp1.0)) (&& (== netstandard2.0) (>= uap10.0))
      Microsoft.CSharp (>= 4.3) - restriction: || (&& (== net46) (< net20)) (== netcoreapp2.0) (== netstandard1.6) (== netstandard2.0)
      NETStandard.Library (>= 1.6.1) - restriction: || (&& (== net46) (< net20)) (== netcoreapp2.0) (== netstandard1.6) (== netstandard2.0)
      System.ComponentModel.TypeConverter (>= 4.3) - restriction: || (&& (== net46) (< net20)) (== netcoreapp2.0) (== netstandard1.6) (== netstandard2.0)
      System.Runtime.Serialization.Formatters (>= 4.3) - restriction: || (&& (== net46) (< net20)) (== netcoreapp2.0) (== netstandard1.6) (== netstandard2.0)
      System.Runtime.Serialization.Primitives (>= 4.3) - restriction: || (&& (== net46) (< net20)) (== netcoreapp2.0) (== netstandard1.6) (== netstandard2.0)
      System.Xml.XmlDocument (>= 4.3) - restriction: || (&& (== net46) (< net20)) (== netcoreapp2.0) (== netstandard1.6) (== netstandard2.0)
    runtime.native.System (4.3) - restriction: || (&& (== net46) (>= netcoreapp1.0)) (&& (== net46) (>= uap10.0)) (== netcoreapp2.0) (&& (== netstandard1.6) (>= netcoreapp1.0)) (&& (== netstandard1.6) (>= uap10.0)) (&& (== netstandard2.0) (>= netcoreapp1.0)) (&& (== netstandard2.0) (>= uap10.0))
      Microsoft.NETCore.Platforms (>= 1.1)
      Microsoft.NETCore.Targets (>= 1.1)
    System.AppContext (4.3) - restriction: || (&& (== net46) (>= netcoreapp1.0)) (== netcoreapp2.0) (&& (== netstandard1.6) (>= netcoreapp1.0)) (&& (== netstandard2.0) (>= netcoreapp1.0))
      System.Runtime (>= 4.3) - restriction: || (&& (== net46) (< netstandard1.3)) (== netcoreapp2.0) (== netstandard1.6) (== netstandard2.0)
    System.Collections (4.3) - restriction: || (&& (== net46) (>= netcoreapp1.0)) (&& (== net46) (>= uap10.0)) (== netcoreapp2.0) (&& (== netstandard1.6) (>= netcoreapp1.0)) (&& (== netstandard1.6) (>= uap10.0)) (&& (== netstandard2.0) (>= netcoreapp1.0)) (&& (== netstandard2.0) (>= uap10.0))
      Microsoft.NETCore.Platforms (>= 1.1) - restriction: || (&& (== net46) (< net45)) (&& (== net46) (< portable-net45+win8+wp8+wpa81)) (== netcoreapp2.0) (== netstandard1.6) (== netstandard2.0)
      Microsoft.NETCore.Targets (>= 1.1) - restriction: || (&& (== net46) (< net45)) (&& (== net46) (< portable-net45+win8+wp8+wpa81)) (== netcoreapp2.0) (== netstandard1.6) (== netstandard2.0)
      System.Runtime (>= 4.3) - restriction: || (&& (== net46) (< net45)) (&& (== net46) (< portable-net45+win8+wp8+wpa81)) (== netcoreapp2.0) (== netstandard1.6) (== netstandard2.0)
    System.Collections.Concurrent (4.3) - restriction: || (&& (== net46) (>= netcoreapp1.0)) (&& (== net46) (>= netstandard1.5) (>= uap10.0)) (== netcoreapp2.0) (&& (== netstandard1.6) (>= netcoreapp1.0)) (&& (== netstandard1.6) (>= uap10.0)) (&& (== netstandard2.0) (>= netcoreapp1.0)) (&& (== netstandard2.0) (>= uap10.0))
      System.Collections (>= 4.3) - restriction: || (&& (== net46) (< net45)) (&& (== net46) (< portable-net45+win8+wpa81)) (== netcoreapp2.0) (== netstandard1.6) (== netstandard2.0)
      System.Diagnostics.Debug (>= 4.3) - restriction: || (&& (== net46) (< net45)) (&& (== net46) (< portable-net45+win8+wpa81)) (== netcoreapp2.0) (== netstandard1.6) (== netstandard2.0)
      System.Diagnostics.Tracing (>= 4.3) - restriction: || (&& (== net46) (< net45)) (&& (== net46) (< portable-net45+win8+wpa81)) (== netcoreapp2.0) (== netstandard1.6) (== netstandard2.0)
      System.Globalization (>= 4.3) - restriction: || (&& (== net46) (< net45)) (&& (== net46) (< portable-net45+win8+wpa81)) (== netcoreapp2.0) (== netstandard1.6) (== netstandard2.0)
      System.Reflection (>= 4.3) - restriction: || (&& (== net46) (< net45)) (== netcoreapp2.0) (== netstandard1.6) (== netstandard2.0)
      System.Resources.ResourceManager (>= 4.3) - restriction: || (&& (== net46) (< net45)) (&& (== net46) (< portable-net45+win8+wpa81)) (== netcoreapp2.0) (== netstandard1.6) (== netstandard2.0)
      System.Runtime (>= 4.3) - restriction: || (&& (== net46) (< net45)) (&& (== net46) (< portable-net45+win8+wpa81)) (== netcoreapp2.0) (== netstandard1.6) (== netstandard2.0)
      System.Runtime.Extensions (>= 4.3) - restriction: || (&& (== net46) (< net45)) (&& (== net46) (< portable-net45+win8+wpa81)) (== netcoreapp2.0) (== netstandard1.6) (== netstandard2.0)
      System.Threading (>= 4.3) - restriction: || (&& (== net46) (< net45)) (&& (== net46) (< portable-net45+win8+wpa81)) (== netcoreapp2.0) (== netstandard1.6) (== netstandard2.0)
      System.Threading.Tasks (>= 4.3) - restriction: || (&& (== net46) (< net45)) (&& (== net46) (< portable-net45+win8+wpa81)) (== netcoreapp2.0) (== netstandard1.6) (== netstandard2.0)
    System.Collections.NonGeneric (4.3) - restriction: || (&& (== net46) (>= net462) (>= uap10.0)) (&& (== net46) (>= netcoreapp1.0)) (&& (== net46) (>= netstandard1.5) (>= uap10.0)) (== netcoreapp2.0) (&& (== netstandard1.6) (>= netcoreapp1.0)) (&& (== netstandard1.6) (>= uap10.0)) (&& (== netstandard2.0) (>= netcoreapp1.0)) (&& (== netstandard2.0) (>= uap10.0))
      System.Diagnostics.Debug (>= 4.3) - restriction: || (== netcoreapp2.0) (== netstandard1.6) (== netstandard2.0)
      System.Globalization (>= 4.3) - restriction: || (== netcoreapp2.0) (== netstandard1.6) (== netstandard2.0)
      System.Resources.ResourceManager (>= 4.3) - restriction: || (== netcoreapp2.0) (== netstandard1.6) (== netstandard2.0)
      System.Runtime (>= 4.3) - restriction: || (== netcoreapp2.0) (== netstandard1.6) (== netstandard2.0)
      System.Runtime.Extensions (>= 4.3) - restriction: || (== netcoreapp2.0) (== netstandard1.6) (== netstandard2.0)
      System.Threading (>= 4.3) - restriction: || (== netcoreapp2.0) (== netstandard1.6) (== netstandard2.0)
    System.Collections.Specialized (4.3) - restriction: || (&& (== net46) (>= netcoreapp1.0)) (&& (== net46) (>= netstandard1.5) (>= uap10.0)) (== netcoreapp2.0) (&& (== netstandard1.6) (>= netcoreapp1.0)) (&& (== netstandard1.6) (>= uap10.0)) (&& (== netstandard2.0) (>= netcoreapp1.0)) (&& (== netstandard2.0) (>= uap10.0))
      System.Collections.NonGeneric (>= 4.3) - restriction: || (== netcoreapp2.0) (== netstandard1.6) (== netstandard2.0)
      System.Globalization (>= 4.3) - restriction: || (== netcoreapp2.0) (== netstandard1.6) (== netstandard2.0)
      System.Globalization.Extensions (>= 4.3) - restriction: || (== netcoreapp2.0) (== netstandard1.6) (== netstandard2.0)
      System.Resources.ResourceManager (>= 4.3) - restriction: || (== netcoreapp2.0) (== netstandard1.6) (== netstandard2.0)
      System.Runtime (>= 4.3) - restriction: || (== netcoreapp2.0) (== netstandard1.6) (== netstandard2.0)
      System.Runtime.Extensions (>= 4.3) - restriction: || (== netcoreapp2.0) (== netstandard1.6) (== netstandard2.0)
      System.Threading (>= 4.3) - restriction: || (== netcoreapp2.0) (== netstandard1.6) (== netstandard2.0)
    System.ComponentModel (4.3) - restriction: || (&& (== net46) (>= netcoreapp1.0)) (&& (== net46) (>= uap10.0)) (== netcoreapp2.0) (&& (== netstandard1.6) (>= netcoreapp1.0)) (&& (== netstandard1.6) (>= uap10.0)) (&& (== netstandard2.0) (>= netcoreapp1.0)) (&& (== netstandard2.0) (>= uap10.0))
      System.Runtime (>= 4.3) - restriction: || (&& (== net46) (< net45)) (&& (== net46) (< portable-net45+win8+wp8+wpa81)) (== netcoreapp2.0) (== netstandard1.6) (== netstandard2.0)
    System.ComponentModel.EventBasedAsync (4.3) - restriction: || (&& (== net46) (>= netcoreapp1.0)) (&& (== net46) (>= netstandard1.5) (>= uap10.0)) (== netcoreapp2.0) (&& (== netstandard1.6) (>= netcoreapp1.0)) (&& (== netstandard1.6) (>= uap10.0)) (&& (== netstandard2.0) (>= netcoreapp1.0)) (&& (== netstandard2.0) (>= uap10.0))
      System.Resources.ResourceManager (>= 4.3) - restriction: || (&& (== net46) (< net45)) (&& (== net46) (< portable-net45+win8+wp8+wpa81)) (== netcoreapp2.0) (== netstandard1.6) (== netstandard2.0)
      System.Runtime (>= 4.3) - restriction: || (&& (== net46) (< net45)) (&& (== net46) (< portable-net45+win8+wp8+wpa81)) (== netcoreapp2.0) (== netstandard1.6) (== netstandard2.0)
      System.Threading (>= 4.3) - restriction: || (&& (== net46) (< net45)) (&& (== net46) (< portable-net45+win8+wp8+wpa81)) (== netcoreapp2.0) (== netstandard1.6) (== netstandard2.0)
      System.Threading.Tasks (>= 4.3) - restriction: || (&& (== net46) (< net45)) (&& (== net46) (< portable-net45+win8+wp8+wpa81)) (== netcoreapp2.0) (== netstandard1.6) (== netstandard2.0)
    System.ComponentModel.Primitives (4.3) - restriction: || (&& (== net46) (>= netcoreapp1.0)) (&& (== net46) (>= uap10.0)) (== netcoreapp2.0) (&& (== netstandard1.6) (>= netcoreapp1.0)) (&& (== netstandard1.6) (>= uap10.0)) (&& (== netstandard2.0) (>= netcoreapp1.0)) (&& (== netstandard2.0) (>= uap10.0))
      System.ComponentModel (>= 4.3) - restriction: || (&& (== net46) (< net45)) (== netcoreapp2.0) (== netstandard1.6) (== netstandard2.0)
      System.Resources.ResourceManager (>= 4.3) - restriction: || (&& (== net46) (< net45)) (== netcoreapp2.0) (== netstandard1.6) (== netstandard2.0)
      System.Runtime (>= 4.3) - restriction: || (&& (== net46) (< net45)) (== netcoreapp2.0) (== netstandard1.6) (== netstandard2.0)
    System.ComponentModel.TypeConverter (4.3) - restriction: || (&& (== net46) (>= netcoreapp1.0)) (&& (== net46) (>= uap10.0)) (== netcoreapp2.0) (&& (== netstandard1.6) (>= netcoreapp1.0)) (&& (== netstandard1.6) (>= uap10.0)) (&& (== netstandard2.0) (>= netcoreapp1.0)) (&& (== netstandard2.0) (>= uap10.0))
      System.Collections (>= 4.3) - restriction: || (&& (== net46) (< net45)) (== netcoreapp2.0) (== netstandard1.6) (== netstandard2.0)
      System.Collections.NonGeneric (>= 4.3) - restriction: || (&& (== net46) (< net45) (>= netstandard1.5)) (&& (== net46) (>= net462)) (== netcoreapp2.0) (== netstandard1.6) (== netstandard2.0)
      System.Collections.Specialized (>= 4.3) - restriction: || (&& (== net46) (< net45) (>= netstandard1.5)) (== netcoreapp2.0) (== netstandard1.6) (== netstandard2.0)
      System.ComponentModel (>= 4.3) - restriction: || (&& (== net46) (< net45)) (== netcoreapp2.0) (== netstandard1.6) (== netstandard2.0)
      System.ComponentModel.Primitives (>= 4.3)
      System.Globalization (>= 4.3) - restriction: || (&& (== net46) (< net45)) (== netcoreapp2.0) (== netstandard1.6) (== netstandard2.0)
      System.Linq (>= 4.3) - restriction: || (&& (== net46) (< net45) (>= netstandard1.5)) (== netcoreapp2.0) (== netstandard1.6) (== netstandard2.0)
      System.Reflection (>= 4.3) - restriction: || (&& (== net46) (< net45)) (== netcoreapp2.0) (== netstandard1.6) (== netstandard2.0)
      System.Reflection.Extensions (>= 4.3) - restriction: || (&& (== net46) (< net45)) (== netcoreapp2.0) (== netstandard1.6) (== netstandard2.0)
      System.Reflection.Primitives (>= 4.3) - restriction: || (&& (== net46) (< net45)) (== netcoreapp2.0) (== netstandard1.6) (== netstandard2.0)
      System.Reflection.TypeExtensions (>= 4.3) - restriction: || (&& (== net46) (< net45) (>= netstandard1.5)) (== netcoreapp2.0) (== netstandard1.6) (== netstandard2.0)
      System.Resources.ResourceManager (>= 4.3) - restriction: || (&& (== net46) (< net45)) (== netcoreapp2.0) (== netstandard1.6) (== netstandard2.0)
      System.Runtime (>= 4.3) - restriction: || (&& (== net46) (< net45)) (== netcoreapp2.0) (== netstandard1.6) (== netstandard2.0)
      System.Runtime.Extensions (>= 4.3) - restriction: || (&& (== net46) (< net45)) (== netcoreapp2.0) (== netstandard1.6) (== netstandard2.0)
      System.Threading (>= 4.3) - restriction: || (&& (== net46) (< net45)) (== netcoreapp2.0) (== netstandard1.6) (== netstandard2.0)
    System.Diagnostics.Debug (4.3) - restriction: || (&& (== net46) (>= netcoreapp1.0)) (&& (== net46) (>= uap10.0)) (== netcoreapp2.0) (&& (== netstandard1.6) (>= netcoreapp1.0)) (&& (== netstandard1.6) (>= uap10.0)) (&& (== netstandard2.0) (>= netcoreapp1.0)) (&& (== netstandard2.0) (>= uap10.0))
      Microsoft.NETCore.Platforms (>= 1.1) - restriction: || (&& (== net46) (< net45)) (&& (== net46) (< portable-net45+win8+wp8+wpa81)) (== netcoreapp2.0) (== netstandard1.6) (== netstandard2.0)
      Microsoft.NETCore.Targets (>= 1.1) - restriction: || (&& (== net46) (< net45)) (&& (== net46) (< portable-net45+win8+wp8+wpa81)) (== netcoreapp2.0) (== netstandard1.6) (== netstandard2.0)
      System.Runtime (>= 4.3) - restriction: || (&& (== net46) (< net45)) (&& (== net46) (< portable-net45+win8+wp8+wpa81)) (== netcoreapp2.0) (== netstandard1.6) (== netstandard2.0)
    System.Diagnostics.Process (4.3) - restriction: || (&& (== net46) (>= netcoreapp1.0)) (&& (== net46) (>= netstandard1.5) (>= uap10.0)) (== netcoreapp2.0) (&& (== netstandard1.6) (>= netcoreapp1.0)) (&& (== netstandard1.6) (>= uap10.0)) (&& (== netstandard2.0) (>= netcoreapp1.0)) (&& (== netstandard2.0) (>= uap10.0))
      Microsoft.NETCore.Platforms (>= 1.1) - restriction: || (== netcoreapp2.0) (== netstandard1.6) (== netstandard2.0)
      Microsoft.Win32.Primitives (>= 4.3) - restriction: || (== netcoreapp2.0) (== netstandard1.6) (== netstandard2.0)
      Microsoft.Win32.Registry (>= 4.3) - restriction: || (== netcoreapp2.0) (== netstandard1.6) (== netstandard2.0)
      runtime.native.System (>= 4.3) - restriction: || (== netcoreapp2.0) (== netstandard1.6) (== netstandard2.0)
      System.Collections (>= 4.3) - restriction: || (== netcoreapp2.0) (== netstandard1.6) (== netstandard2.0)
      System.Diagnostics.Debug (>= 4.3) - restriction: || (== netcoreapp2.0) (== netstandard1.6) (== netstandard2.0)
      System.Globalization (>= 4.3) - restriction: || (== netcoreapp2.0) (== netstandard1.6) (== netstandard2.0)
      System.IO (>= 4.3) - restriction: || (== netcoreapp2.0) (== netstandard1.6) (== netstandard2.0)
      System.IO.FileSystem (>= 4.3) - restriction: || (== netcoreapp2.0) (== netstandard1.6) (== netstandard2.0)
      System.IO.FileSystem.Primitives (>= 4.3) - restriction: || (== netcoreapp2.0) (== netstandard1.6) (== netstandard2.0)
      System.Resources.ResourceManager (>= 4.3) - restriction: || (== netcoreapp2.0) (== netstandard1.6) (== netstandard2.0)
      System.Runtime (>= 4.3) - restriction: || (== netcoreapp2.0) (== netstandard1.6) (== netstandard2.0)
      System.Runtime.Extensions (>= 4.3) - restriction: || (== netcoreapp2.0) (== netstandard1.6) (== netstandard2.0)
      System.Runtime.Handles (>= 4.3) - restriction: || (== netcoreapp2.0) (== netstandard1.6) (== netstandard2.0)
      System.Runtime.InteropServices (>= 4.3) - restriction: || (== netcoreapp2.0) (== netstandard1.6) (== netstandard2.0)
      System.Text.Encoding (>= 4.3) - restriction: || (== netcoreapp2.0) (== netstandard1.6) (== netstandard2.0)
      System.Text.Encoding.Extensions (>= 4.3) - restriction: || (== netcoreapp2.0) (== netstandard1.6) (== netstandard2.0)
      System.Threading (>= 4.3) - restriction: || (== netcoreapp2.0) (== netstandard1.6) (== netstandard2.0)
      System.Threading.Tasks (>= 4.3) - restriction: || (== netcoreapp2.0) (== netstandard1.6) (== netstandard2.0)
      System.Threading.Thread (>= 4.3) - restriction: || (== netcoreapp2.0) (== netstandard1.6) (== netstandard2.0)
      System.Threading.ThreadPool (>= 4.3) - restriction: || (== netcoreapp2.0) (== netstandard1.6) (== netstandard2.0)
    System.Diagnostics.TextWriterTraceListener (4.3) - restriction: || (&& (== net46) (>= netcoreapp1.0)) (&& (== net46) (>= netstandard1.5) (>= uap10.0)) (== netcoreapp2.0) (&& (== netstandard1.6) (>= netcoreapp1.0)) (&& (== netstandard1.6) (>= uap10.0)) (&& (== netstandard2.0) (>= netcoreapp1.0)) (&& (== netstandard2.0) (>= uap10.0))
      System.Diagnostics.TraceSource (>= 4.3)
      System.Globalization (>= 4.3) - restriction: || (== netcoreapp2.0) (== netstandard1.6) (== netstandard2.0)
      System.IO (>= 4.3) - restriction: || (== netcoreapp2.0) (== netstandard1.6) (== netstandard2.0)
      System.Resources.ResourceManager (>= 4.3) - restriction: || (== netcoreapp2.0) (== netstandard1.6) (== netstandard2.0)
      System.Runtime (>= 4.3) - restriction: || (== netcoreapp2.0) (== netstandard1.6) (== netstandard2.0)
      System.Threading (>= 4.3) - restriction: || (== netcoreapp2.0) (== netstandard1.6) (== netstandard2.0)
    System.Diagnostics.Tools (4.3) - restriction: || (&& (== net46) (>= netcoreapp1.0)) (&& (== net46) (>= netstandard1.5) (>= uap10.0)) (== netcoreapp2.0) (&& (== netstandard1.6) (>= netcoreapp1.0)) (&& (== netstandard1.6) (>= uap10.0)) (&& (== netstandard2.0) (>= netcoreapp1.0)) (&& (== netstandard2.0) (>= uap10.0))
      Microsoft.NETCore.Platforms (>= 1.1) - restriction: || (&& (== net46) (< net45)) (&& (== net46) (< portable-net45+win8+wp8+wpa81)) (== netcoreapp2.0) (== netstandard1.6) (== netstandard2.0)
      Microsoft.NETCore.Targets (>= 1.1) - restriction: || (&& (== net46) (< net45)) (&& (== net46) (< portable-net45+win8+wp8+wpa81)) (== netcoreapp2.0) (== netstandard1.6) (== netstandard2.0)
      System.Runtime (>= 4.3) - restriction: || (&& (== net46) (< net45)) (&& (== net46) (< portable-net45+win8+wp8+wpa81)) (== netcoreapp2.0) (== netstandard1.6) (== netstandard2.0)
    System.Diagnostics.TraceSource (4.3) - restriction: || (&& (== net46) (>= netcoreapp1.0)) (&& (== net46) (>= netstandard1.5) (>= uap10.0)) (== netcoreapp2.0) (&& (== netstandard1.6) (>= netcoreapp1.0)) (&& (== netstandard1.6) (>= uap10.0)) (&& (== netstandard2.0) (>= netcoreapp1.0)) (&& (== netstandard2.0) (>= uap10.0))
      Microsoft.NETCore.Platforms (>= 1.1) - restriction: || (== netcoreapp2.0) (== netstandard1.6) (== netstandard2.0)
      runtime.native.System (>= 4.3) - restriction: || (== netcoreapp2.0) (== netstandard1.6) (== netstandard2.0)
      System.Collections (>= 4.3) - restriction: || (== netcoreapp2.0) (== netstandard1.6) (== netstandard2.0)
      System.Diagnostics.Debug (>= 4.3) - restriction: || (== netcoreapp2.0) (== netstandard1.6) (== netstandard2.0)
      System.Globalization (>= 4.3) - restriction: || (== netcoreapp2.0) (== netstandard1.6) (== netstandard2.0)
      System.Resources.ResourceManager (>= 4.3) - restriction: || (== netcoreapp2.0) (== netstandard1.6) (== netstandard2.0)
      System.Runtime (>= 4.3) - restriction: || (== netcoreapp2.0) (== netstandard1.6) (== netstandard2.0)
      System.Runtime.Extensions (>= 4.3) - restriction: || (== netcoreapp2.0) (== netstandard1.6) (== netstandard2.0)
      System.Threading (>= 4.3) - restriction: || (== netcoreapp2.0) (== netstandard1.6) (== netstandard2.0)
    System.Diagnostics.Tracing (4.3) - restriction: || (&& (== net46) (>= netcoreapp1.0)) (&& (== net46) (>= netstandard1.5) (>= uap10.0)) (== netcoreapp2.0) (&& (== netstandard1.6) (>= netcoreapp1.0)) (&& (== netstandard1.6) (>= uap10.0)) (&& (== netstandard2.0) (>= netcoreapp1.0)) (&& (== netstandard2.0) (>= uap10.0))
      Microsoft.NETCore.Platforms (>= 1.1) - restriction: || (&& (== net46) (< net45)) (&& (== net46) (< portable-net45+win8+wpa81)) (== netcoreapp2.0) (== netstandard1.6) (== netstandard2.0)
      Microsoft.NETCore.Targets (>= 1.1) - restriction: || (&& (== net46) (< net45)) (&& (== net46) (< portable-net45+win8+wpa81)) (== netcoreapp2.0) (== netstandard1.6) (== netstandard2.0)
      System.Runtime (>= 4.3) - restriction: || (&& (== net46) (< net45)) (&& (== net46) (< portable-net45+win8+wpa81)) (== netcoreapp2.0) (== netstandard1.6) (== netstandard2.0)
    System.Dynamic.Runtime (4.3) - restriction: || (&& (== net46) (>= netcoreapp1.0)) (== netcoreapp2.0) (&& (== netstandard1.6) (>= netcoreapp1.0)) (&& (== netstandard2.0) (>= netcoreapp1.0))
      System.Collections (>= 4.3) - restriction: || (&& (== net46) (< net45)) (&& (== net46) (< portable-net45+win8+wp8+wpa81)) (== netcoreapp2.0) (== netstandard1.6) (== netstandard2.0)
      System.Diagnostics.Debug (>= 4.3) - restriction: || (&& (== net46) (< net45)) (&& (== net46) (< portable-net45+win8+wp8+wpa81)) (== netcoreapp2.0) (== netstandard1.6) (== netstandard2.0)
      System.Linq (>= 4.3) - restriction: || (&& (== net46) (< net45)) (&& (== net46) (< portable-net45+win8+wp8+wpa81)) (== netcoreapp2.0) (== netstandard1.6) (== netstandard2.0)
      System.Linq.Expressions (>= 4.3) - restriction: || (&& (== net46) (< net45)) (&& (== net46) (< portable-net45+win8+wp8+wpa81)) (== netcoreapp2.0) (== netstandard1.6) (== netstandard2.0)
      System.ObjectModel (>= 4.3) - restriction: || (&& (== net46) (< net45)) (&& (== net46) (< portable-net45+win8+wp8+wpa81)) (== netcoreapp2.0) (== netstandard1.6) (== netstandard2.0)
      System.Reflection (>= 4.3) - restriction: || (&& (== net46) (< net45)) (&& (== net46) (< portable-net45+win8+wp8+wpa81)) (== netcoreapp2.0) (== netstandard1.6) (== netstandard2.0)
      System.Reflection.Emit (>= 4.3) - restriction: || (&& (== net46) (< net45)) (== netcoreapp2.0) (== netstandard1.6) (== netstandard2.0)
      System.Reflection.Emit.ILGeneration (>= 4.3) - restriction: || (&& (== net46) (< net45)) (== netcoreapp2.0) (== netstandard1.6) (== netstandard2.0)
      System.Reflection.Primitives (>= 4.3) - restriction: || (&& (== net46) (< net45)) (== netcoreapp2.0) (== netstandard1.6) (== netstandard2.0)
      System.Reflection.TypeExtensions (>= 4.3) - restriction: || (&& (== net46) (< net45)) (&& (== net46) (< portable-net45+win8+wp8+wpa81)) (== netcoreapp2.0) (== netstandard1.6) (== netstandard2.0)
      System.Resources.ResourceManager (>= 4.3) - restriction: || (&& (== net46) (< net45)) (&& (== net46) (< portable-net45+win8+wp8+wpa81)) (== netcoreapp2.0) (== netstandard1.6) (== netstandard2.0)
      System.Runtime (>= 4.3) - restriction: || (&& (== net46) (< net45)) (&& (== net46) (< portable-net45+win8+wp8+wpa81)) (== netcoreapp2.0) (== netstandard1.6) (== netstandard2.0)
      System.Runtime.Extensions (>= 4.3) - restriction: || (&& (== net46) (< net45)) (&& (== net46) (< portable-net45+win8+wp8+wpa81)) (== netcoreapp2.0) (== netstandard1.6) (== netstandard2.0)
      System.Threading (>= 4.3) - restriction: || (&& (== net46) (< net45)) (&& (== net46) (< portable-net45+win8+wp8+wpa81)) (== netcoreapp2.0) (== netstandard1.6) (== netstandard2.0)
    System.Globalization (4.3) - restriction: || (&& (== net46) (>= netcoreapp1.0)) (&& (== net46) (>= uap10.0)) (== netcoreapp2.0) (&& (== netstandard1.6) (>= netcoreapp1.0)) (&& (== netstandard1.6) (>= uap10.0)) (&& (== netstandard2.0) (>= netcoreapp1.0)) (&& (== netstandard2.0) (>= uap10.0))
      Microsoft.NETCore.Platforms (>= 1.1) - restriction: || (&& (== net46) (< net45)) (&& (== net46) (< portable-net45+win8+wp8+wpa81)) (== netcoreapp2.0) (== netstandard1.6) (== netstandard2.0)
      Microsoft.NETCore.Targets (>= 1.1) - restriction: || (&& (== net46) (< net45)) (&& (== net46) (< portable-net45+win8+wp8+wpa81)) (== netcoreapp2.0) (== netstandard1.6) (== netstandard2.0)
      System.Runtime (>= 4.3) - restriction: || (&& (== net46) (< net45)) (&& (== net46) (< portable-net45+win8+wp8+wpa81)) (== netcoreapp2.0) (== netstandard1.6) (== netstandard2.0)
    System.Globalization.Extensions (4.3) - restriction: || (&& (== net46) (>= netcoreapp1.0)) (&& (== net46) (>= netstandard1.5) (>= uap10.0)) (== netcoreapp2.0) (&& (== netstandard1.6) (>= netcoreapp1.0)) (&& (== netstandard1.6) (>= uap10.0)) (&& (== netstandard2.0) (>= netcoreapp1.0)) (&& (== netstandard2.0) (>= uap10.0))
      Microsoft.NETCore.Platforms (>= 1.1) - restriction: || (== netcoreapp2.0) (== netstandard1.6) (== netstandard2.0)
      System.Globalization (>= 4.3) - restriction: || (== netcoreapp2.0) (== netstandard1.6) (== netstandard2.0)
      System.Resources.ResourceManager (>= 4.3) - restriction: || (== netcoreapp2.0) (== netstandard1.6) (== netstandard2.0)
      System.Runtime (>= 4.3) - restriction: || (== netcoreapp2.0) (== netstandard1.6) (== netstandard2.0)
      System.Runtime.Extensions (>= 4.3) - restriction: || (== netcoreapp2.0) (== netstandard1.6) (== netstandard2.0)
      System.Runtime.InteropServices (>= 4.3) - restriction: || (== netcoreapp2.0) (== netstandard1.6) (== netstandard2.0)
    System.IO (4.3) - restriction: || (&& (== net46) (>= netcoreapp1.0)) (&& (== net46) (>= uap10.0)) (== netcoreapp2.0) (&& (== netstandard1.6) (>= netcoreapp1.0)) (&& (== netstandard1.6) (>= uap10.0)) (&& (== netstandard2.0) (>= netcoreapp1.0)) (&& (== netstandard2.0) (>= uap10.0))
      Microsoft.NETCore.Platforms (>= 1.1) - restriction: || (&& (== net46) (< net45)) (&& (== net46) (< portable-net45+win8+wp8+wpa81)) (== netcoreapp2.0) (== netstandard1.6) (== netstandard2.0)
      Microsoft.NETCore.Targets (>= 1.1) - restriction: || (&& (== net46) (< net45)) (&& (== net46) (< portable-net45+win8+wp8+wpa81)) (== netcoreapp2.0) (== netstandard1.6) (== netstandard2.0)
      System.Runtime (>= 4.3) - restriction: || (&& (== net46) (< net45)) (&& (== net46) (< portable-net45+win8+wp8+wpa81)) (== netcoreapp2.0) (== netstandard1.6) (== netstandard2.0)
      System.Text.Encoding (>= 4.3) - restriction: || (&& (== net46) (< net45)) (&& (== net46) (< portable-net45+win8+wp8+wpa81)) (== netcoreapp2.0) (== netstandard1.6) (== netstandard2.0)
      System.Threading.Tasks (>= 4.3) - restriction: || (&& (== net46) (< net45)) (&& (== net46) (< portable-net45+win8+wp8+wpa81)) (== netcoreapp2.0) (== netstandard1.6) (== netstandard2.0)
    System.IO.FileSystem (4.3) - restriction: || (&& (== net46) (>= netcoreapp1.0)) (&& (== net46) (>= netstandard1.5) (>= uap10.0)) (== netcoreapp2.0) (&& (== netstandard1.6) (>= netcoreapp1.0)) (&& (== netstandard1.6) (>= uap10.0)) (&& (== netstandard2.0) (>= netcoreapp1.0)) (&& (== netstandard2.0) (>= uap10.0))
      Microsoft.NETCore.Platforms (>= 1.1) - restriction: || (== netcoreapp2.0) (== netstandard1.6) (== netstandard2.0)
      Microsoft.NETCore.Targets (>= 1.1) - restriction: || (== netcoreapp2.0) (== netstandard1.6) (== netstandard2.0)
      System.IO (>= 4.3) - restriction: || (== netcoreapp2.0) (== netstandard1.6) (== netstandard2.0)
      System.IO.FileSystem.Primitives (>= 4.3)
      System.Runtime (>= 4.3) - restriction: || (== netcoreapp2.0) (== netstandard1.6) (== netstandard2.0)
      System.Runtime.Handles (>= 4.3) - restriction: || (== netcoreapp2.0) (== netstandard1.6) (== netstandard2.0)
      System.Text.Encoding (>= 4.3) - restriction: || (== netcoreapp2.0) (== netstandard1.6) (== netstandard2.0)
      System.Threading.Tasks (>= 4.3) - restriction: || (== netcoreapp2.0) (== netstandard1.6) (== netstandard2.0)
    System.IO.FileSystem.Primitives (4.3) - restriction: || (&& (== net46) (>= netcoreapp1.0)) (&& (== net46) (>= netstandard1.5) (>= uap10.0)) (== netcoreapp2.0) (&& (== netstandard1.6) (>= netcoreapp1.0)) (&& (== netstandard1.6) (>= uap10.0)) (&& (== netstandard2.0) (>= netcoreapp1.0)) (&& (== netstandard2.0) (>= uap10.0))
      System.Runtime (>= 4.3) - restriction: || (== netcoreapp2.0) (== netstandard1.6) (== netstandard2.0)
    System.Linq (4.3) - restriction: || (&& (== net46) (>= netcoreapp1.0)) (&& (== net46) (>= netstandard1.5) (>= uap10.0)) (== netcoreapp2.0) (&& (== netstandard1.6) (>= netcoreapp1.0)) (&& (== netstandard1.6) (>= uap10.0)) (&& (== netstandard2.0) (>= netcoreapp1.0)) (&& (== netstandard2.0) (>= uap10.0))
      System.Collections (>= 4.3) - restriction: || (&& (== net46) (< net45)) (&& (== net46) (< portable-net45+win8+wp8+wpa81)) (== netcoreapp2.0) (== netstandard1.6) (== netstandard2.0)
      System.Diagnostics.Debug (>= 4.3) - restriction: || (&& (== net46) (< net45) (>= netstandard1.6)) (&& (== net46) (< portable-net45+win8+wp8+wpa81)) (== netcoreapp2.0) (== netstandard1.6) (== netstandard2.0)
      System.Resources.ResourceManager (>= 4.3) - restriction: || (&& (== net46) (< net45) (>= netstandard1.6)) (&& (== net46) (< portable-net45+win8+wp8+wpa81)) (== netcoreapp2.0) (== netstandard1.6) (== netstandard2.0)
      System.Runtime (>= 4.3) - restriction: || (&& (== net46) (< net45)) (&& (== net46) (< portable-net45+win8+wp8+wpa81)) (== netcoreapp2.0) (== netstandard1.6) (== netstandard2.0)
      System.Runtime.Extensions (>= 4.3) - restriction: || (&& (== net46) (< net45) (>= netstandard1.6)) (&& (== net46) (< portable-net45+win8+wp8+wpa81)) (== netcoreapp2.0) (== netstandard1.6) (== netstandard2.0)
    System.Linq.Expressions (4.3) - restriction: || (&& (== net46) (>= netcoreapp1.0)) (== netcoreapp2.0) (&& (== netstandard1.6) (>= netcoreapp1.0)) (&& (== netstandard2.0) (>= netcoreapp1.0))
      System.Collections (>= 4.3) - restriction: || (&& (== net46) (< net45) (>= netstandard1.6)) (&& (== net46) (< portable-net45+win8+wp8+wpa81)) (== netcoreapp2.0) (== netstandard1.6) (== netstandard2.0)
      System.Diagnostics.Debug (>= 4.3) - restriction: || (&& (== net46) (< net45) (>= netstandard1.6)) (&& (== net46) (< portable-net45+win8+wp8+wpa81)) (== netcoreapp2.0) (== netstandard1.6) (== netstandard2.0)
      System.Globalization (>= 4.3) - restriction: || (&& (== net46) (< net45) (>= netstandard1.6)) (&& (== net46) (< portable-net45+win8+wp8+wpa81)) (== netcoreapp2.0) (== netstandard1.6) (== netstandard2.0)
      System.IO (>= 4.3) - restriction: || (&& (== net46) (< net45) (>= netstandard1.6)) (&& (== net46) (< portable-net45+win8+wp8+wpa81)) (== netcoreapp2.0) (== netstandard1.6) (== netstandard2.0)
      System.Linq (>= 4.3) - restriction: || (&& (== net46) (< net45) (>= netstandard1.6)) (&& (== net46) (< portable-net45+win8+wp8+wpa81)) (== netcoreapp2.0) (== netstandard1.6) (== netstandard2.0)
      System.ObjectModel (>= 4.3) - restriction: || (&& (== net46) (< net45) (>= netstandard1.6)) (== netcoreapp2.0) (== netstandard1.6) (== netstandard2.0)
      System.Reflection (>= 4.3) - restriction: || (&& (== net46) (< net45)) (&& (== net46) (< portable-net45+win8+wp8+wpa81)) (== netcoreapp2.0) (== netstandard1.6) (== netstandard2.0)
      System.Reflection.Emit (>= 4.3) - restriction: || (&& (== net46) (< net45) (>= netstandard1.6)) (== netcoreapp2.0) (== netstandard1.6) (== netstandard2.0)
      System.Reflection.Emit.ILGeneration (>= 4.3) - restriction: || (&& (== net46) (< net45) (>= netstandard1.6)) (&& (== net46) (< portable-net45+win8+wp8+wpa81)) (== netcoreapp2.0) (== netstandard1.6) (== netstandard2.0)
      System.Reflection.Emit.Lightweight (>= 4.3) - restriction: || (&& (== net46) (< net45) (>= netstandard1.6)) (&& (== net46) (< portable-net45+win8+wp8+wpa81)) (== netcoreapp2.0) (== netstandard1.6) (== netstandard2.0)
      System.Reflection.Extensions (>= 4.3) - restriction: || (&& (== net46) (< net45) (>= netstandard1.6)) (&& (== net46) (< portable-net45+win8+wp8+wpa81)) (== netcoreapp2.0) (== netstandard1.6) (== netstandard2.0)
      System.Reflection.Primitives (>= 4.3) - restriction: || (&& (== net46) (< net45) (>= netstandard1.6)) (&& (== net46) (< portable-net45+win8+wp8+wpa81)) (== netcoreapp2.0) (== netstandard1.6) (== netstandard2.0)
      System.Reflection.TypeExtensions (>= 4.3) - restriction: || (&& (== net46) (< net45) (>= netstandard1.6)) (&& (== net46) (< portable-net45+win8+wp8+wpa81)) (== netcoreapp2.0) (== netstandard1.6) (== netstandard2.0)
      System.Resources.ResourceManager (>= 4.3) - restriction: || (&& (== net46) (< net45) (>= netstandard1.6)) (&& (== net46) (< portable-net45+win8+wp8+wpa81)) (== netcoreapp2.0) (== netstandard1.6) (== netstandard2.0)
      System.Runtime (>= 4.3) - restriction: || (&& (== net46) (< net45)) (&& (== net46) (< portable-net45+win8+wp8+wpa81)) (== netcoreapp2.0) (== netstandard1.6) (== netstandard2.0)
      System.Runtime.Extensions (>= 4.3) - restriction: || (&& (== net46) (< net45) (>= netstandard1.6)) (&& (== net46) (< portable-net45+win8+wp8+wpa81)) (== netcoreapp2.0) (== netstandard1.6) (== netstandard2.0)
      System.Threading (>= 4.3) - restriction: || (&& (== net46) (< net45) (>= netstandard1.6)) (&& (== net46) (< portable-net45+win8+wp8+wpa81)) (== netcoreapp2.0) (== netstandard1.6) (== netstandard2.0)
    System.ObjectModel (4.3) - restriction: || (&& (== net46) (>= netcoreapp1.0)) (== netcoreapp2.0) (&& (== netstandard1.6) (>= netcoreapp1.0)) (&& (== netstandard2.0) (>= netcoreapp1.0))
      System.Collections (>= 4.3) - restriction: || (&& (== net46) (< net45)) (&& (== net46) (< portable-net45+win8+wp8+wpa81)) (== netcoreapp2.0) (== netstandard1.6) (== netstandard2.0)
      System.Diagnostics.Debug (>= 4.3) - restriction: || (&& (== net46) (< net45)) (&& (== net46) (< portable-net45+win8+wp8+wpa81)) (== netcoreapp2.0) (== netstandard1.6) (== netstandard2.0)
      System.Resources.ResourceManager (>= 4.3) - restriction: || (&& (== net46) (< net45)) (&& (== net46) (< portable-net45+win8+wp8+wpa81)) (== netcoreapp2.0) (== netstandard1.6) (== netstandard2.0)
      System.Runtime (>= 4.3) - restriction: || (&& (== net46) (< net45)) (&& (== net46) (< portable-net45+win8+wp8+wpa81)) (== netcoreapp2.0) (== netstandard1.6) (== netstandard2.0)
      System.Threading (>= 4.3) - restriction: || (&& (== net46) (< net45)) (&& (== net46) (< portable-net45+win8+wp8+wpa81)) (== netcoreapp2.0) (== netstandard1.6) (== netstandard2.0)
    System.Private.DataContractSerialization (4.3) - restriction: || (&& (== net46) (>= netcoreapp1.0)) (&& (== net46) (>= netstandard1.5) (>= uap10.0)) (== netcoreapp2.0) (&& (== netstandard1.6) (>= netcoreapp1.0)) (&& (== netstandard1.6) (>= uap10.0)) (&& (== netstandard2.0) (>= netcoreapp1.0)) (&& (== netstandard2.0) (>= uap10.0))
      System.Collections (>= 4.3) - restriction: || (&& (== net46) (< netstandard1.3)) (== netcoreapp2.0) (== netstandard1.6) (== netstandard2.0)
      System.Collections.Concurrent (>= 4.3) - restriction: || (&& (== net46) (< netstandard1.3)) (== netcoreapp2.0) (== netstandard1.6) (== netstandard2.0)
      System.Diagnostics.Debug (>= 4.3) - restriction: || (&& (== net46) (< netstandard1.3)) (== netcoreapp2.0) (== netstandard1.6) (== netstandard2.0)
      System.Globalization (>= 4.3) - restriction: || (&& (== net46) (< netstandard1.3)) (== netcoreapp2.0) (== netstandard1.6) (== netstandard2.0)
      System.IO (>= 4.3) - restriction: || (&& (== net46) (< netstandard1.3)) (== netcoreapp2.0) (== netstandard1.6) (== netstandard2.0)
      System.Linq (>= 4.3) - restriction: || (&& (== net46) (< netstandard1.3)) (== netcoreapp2.0) (== netstandard1.6) (== netstandard2.0)
      System.Reflection (>= 4.3) - restriction: || (&& (== net46) (< netstandard1.3)) (== netcoreapp2.0) (== netstandard1.6) (== netstandard2.0)
      System.Reflection.Emit.ILGeneration (>= 4.3) - restriction: || (== netcoreapp2.0) (== netstandard1.6) (== netstandard2.0)
      System.Reflection.Emit.Lightweight (>= 4.3) - restriction: || (== netcoreapp2.0) (== netstandard1.6) (== netstandard2.0)
      System.Reflection.Extensions (>= 4.3) - restriction: || (&& (== net46) (< netstandard1.3)) (== netcoreapp2.0) (== netstandard1.6) (== netstandard2.0)
      System.Reflection.Primitives (>= 4.3) - restriction: || (&& (== net46) (< netstandard1.3)) (== netcoreapp2.0) (== netstandard1.6) (== netstandard2.0)
      System.Reflection.TypeExtensions (>= 4.3)
      System.Resources.ResourceManager (>= 4.3) - restriction: || (&& (== net46) (< netstandard1.3)) (== netcoreapp2.0) (== netstandard1.6) (== netstandard2.0)
      System.Runtime (>= 4.3) - restriction: || (&& (== net46) (< netstandard1.3)) (== netcoreapp2.0) (== netstandard1.6) (== netstandard2.0)
      System.Runtime.Extensions (>= 4.3) - restriction: || (&& (== net46) (< netstandard1.3)) (== netcoreapp2.0) (== netstandard1.6) (== netstandard2.0)
      System.Runtime.Serialization.Primitives (>= 4.3)
      System.Text.Encoding (>= 4.3) - restriction: || (&& (== net46) (< netstandard1.3)) (== netcoreapp2.0) (== netstandard1.6) (== netstandard2.0)
      System.Text.Encoding.Extensions (>= 4.3) - restriction: || (&& (== net46) (< netstandard1.3)) (== netcoreapp2.0) (== netstandard1.6) (== netstandard2.0)
      System.Text.RegularExpressions (>= 4.3) - restriction: || (&& (== net46) (< netstandard1.3)) (== netcoreapp2.0) (== netstandard1.6) (== netstandard2.0)
      System.Threading (>= 4.3) - restriction: || (&& (== net46) (< netstandard1.3)) (== netcoreapp2.0) (== netstandard1.6) (== netstandard2.0)
      System.Threading.Tasks (>= 4.3) - restriction: || (&& (== net46) (< netstandard1.3)) (== netcoreapp2.0) (== netstandard1.6) (== netstandard2.0)
      System.Xml.ReaderWriter (>= 4.3) - restriction: || (&& (== net46) (< netstandard1.3)) (== netcoreapp2.0) (== netstandard1.6) (== netstandard2.0)
      System.Xml.XDocument (>= 4.3) - restriction: || (&& (== net46) (< netstandard1.3)) (== netcoreapp2.0) (== netstandard1.6) (== netstandard2.0)
      System.Xml.XmlDocument (>= 4.3)
      System.Xml.XmlSerializer (>= 4.3) - restriction: || (&& (== net46) (< netstandard1.3)) (== netcoreapp2.0) (== netstandard1.6) (== netstandard2.0)
    System.Reflection (4.3) - restriction: || (&& (== net46) (>= netcoreapp1.0)) (&& (== net46) (>= uap10.0)) (== netcoreapp2.0) (&& (== netstandard1.6) (>= netcoreapp1.0)) (&& (== netstandard1.6) (>= uap10.0)) (&& (== netstandard2.0) (>= netcoreapp1.0)) (&& (== netstandard2.0) (>= uap10.0))
      Microsoft.NETCore.Platforms (>= 1.1) - restriction: || (&& (== net46) (< net45)) (&& (== net46) (< portable-net45+win8+wp8+wpa81)) (== netcoreapp2.0) (== netstandard1.6) (== netstandard2.0)
      Microsoft.NETCore.Targets (>= 1.1) - restriction: || (&& (== net46) (< net45)) (&& (== net46) (< portable-net45+win8+wp8+wpa81)) (== netcoreapp2.0) (== netstandard1.6) (== netstandard2.0)
      System.IO (>= 4.3) - restriction: || (&& (== net46) (< net45)) (&& (== net46) (< portable-net45+win8+wp8+wpa81)) (== netcoreapp2.0) (== netstandard1.6) (== netstandard2.0)
      System.Reflection.Primitives (>= 4.3) - restriction: || (&& (== net46) (< net45)) (&& (== net46) (< portable-net45+win8+wp8+wpa81)) (== netcoreapp2.0) (== netstandard1.6) (== netstandard2.0)
      System.Runtime (>= 4.3) - restriction: || (&& (== net46) (< net45)) (&& (== net46) (< portable-net45+win8+wp8+wpa81)) (== netcoreapp2.0) (== netstandard1.6) (== netstandard2.0)
    System.Reflection.Emit (4.3) - restriction: || (&& (== net46) (>= netcoreapp1.0)) (== netcoreapp2.0) (&& (== netstandard1.6) (>= netcoreapp1.0)) (&& (== netstandard2.0) (>= netcoreapp1.0))
      System.IO (>= 4.3) - restriction: || (&& (== net46) (< net45)) (== netcoreapp2.0) (== netstandard1.6) (== netstandard2.0)
      System.Reflection (>= 4.3) - restriction: || (&& (== net46) (< net45)) (== netcoreapp2.0) (== netstandard1.6) (== netstandard2.0)
      System.Reflection.Emit.ILGeneration (>= 4.3) - restriction: || (&& (== net46) (< net45)) (== netcoreapp2.0) (== netstandard1.6) (== netstandard2.0)
      System.Reflection.Primitives (>= 4.3) - restriction: || (&& (== net46) (< net45)) (== netcoreapp2.0) (== netstandard1.6) (== netstandard2.0)
      System.Runtime (>= 4.3) - restriction: || (&& (== net46) (< net45)) (== netcoreapp2.0) (== netstandard1.6) (== netstandard2.0)
    System.Reflection.Emit.ILGeneration (4.3) - restriction: || (&& (== net46) (>= netcoreapp1.0)) (== netcoreapp2.0) (&& (== netstandard1.6) (>= netcoreapp1.0)) (&& (== netstandard2.0) (>= netcoreapp1.0))
      System.Reflection (>= 4.3) - restriction: || (&& (== net46) (< net45)) (== netcoreapp2.0) (== netstandard1.6) (== netstandard2.0)
      System.Reflection.Primitives (>= 4.3) - restriction: || (&& (== net46) (< net45)) (== netcoreapp2.0) (== netstandard1.6) (== netstandard2.0)
      System.Runtime (>= 4.3) - restriction: || (&& (== net46) (< net45)) (== netcoreapp2.0) (== netstandard1.6) (== netstandard2.0)
    System.Reflection.Emit.Lightweight (4.3) - restriction: || (&& (== net46) (>= netcoreapp1.0)) (&& (== net46) (>= netstandard1.5) (>= uap10.0)) (== netcoreapp2.0) (&& (== netstandard1.6) (>= netcoreapp1.0)) (&& (== netstandard1.6) (>= uap10.0)) (&& (== netstandard2.0) (>= netcoreapp1.0)) (&& (== netstandard2.0) (>= uap10.0))
      System.Reflection (>= 4.3) - restriction: || (&& (== net46) (< net45)) (== netcoreapp2.0) (== netstandard1.6) (== netstandard2.0)
      System.Reflection.Emit.ILGeneration (>= 4.3) - restriction: || (&& (== net46) (< net45)) (== netcoreapp2.0) (== netstandard1.6) (== netstandard2.0)
      System.Reflection.Primitives (>= 4.3) - restriction: || (&& (== net46) (< net45)) (== netcoreapp2.0) (== netstandard1.6) (== netstandard2.0)
      System.Runtime (>= 4.3) - restriction: || (&& (== net46) (< net45)) (== netcoreapp2.0) (== netstandard1.6) (== netstandard2.0)
    System.Reflection.Extensions (4.3) - restriction: || (&& (== net46) (>= netcoreapp1.0)) (&& (== net46) (>= uap10.0)) (== netcoreapp2.0) (&& (== netstandard1.6) (>= netcoreapp1.0)) (&& (== netstandard1.6) (>= uap10.0)) (&& (== netstandard2.0) (>= netcoreapp1.0)) (&& (== netstandard2.0) (>= uap10.0))
      Microsoft.NETCore.Platforms (>= 1.1) - restriction: || (&& (== net46) (< net45)) (&& (== net46) (< portable-net45+win8+wp8+wpa81)) (== netcoreapp2.0) (== netstandard1.6) (== netstandard2.0)
      Microsoft.NETCore.Targets (>= 1.1) - restriction: || (&& (== net46) (< net45)) (&& (== net46) (< portable-net45+win8+wp8+wpa81)) (== netcoreapp2.0) (== netstandard1.6) (== netstandard2.0)
      System.Reflection (>= 4.3) - restriction: || (&& (== net46) (< net45)) (&& (== net46) (< portable-net45+win8+wp8+wpa81)) (== netcoreapp2.0) (== netstandard1.6) (== netstandard2.0)
      System.Runtime (>= 4.3) - restriction: || (&& (== net46) (< net45)) (&& (== net46) (< portable-net45+win8+wp8+wpa81)) (== netcoreapp2.0) (== netstandard1.6) (== netstandard2.0)
    System.Reflection.Metadata (1.5) - restriction: || (&& (== net46) (>= netcoreapp1.0)) (&& (== net46) (>= uap10.0)) (== netcoreapp2.0) (&& (== netstandard1.6) (>= netcoreapp1.0)) (&& (== netstandard1.6) (>= uap10.0)) (&& (== netstandard2.0) (>= netcoreapp1.0)) (&& (== netstandard2.0) (>= uap10.0))
    System.Reflection.Primitives (4.3) - restriction: || (&& (== net46) (>= netcoreapp1.0)) (&& (== net46) (>= uap10.0)) (== netcoreapp2.0) (&& (== netstandard1.6) (>= netcoreapp1.0)) (&& (== netstandard1.6) (>= uap10.0)) (&& (== netstandard2.0) (>= netcoreapp1.0)) (&& (== netstandard2.0) (>= uap10.0))
      Microsoft.NETCore.Platforms (>= 1.1) - restriction: || (&& (== net46) (< net45)) (&& (== net46) (< portable-net45+win8+wp8+wpa81)) (== netcoreapp2.0) (== netstandard1.6) (== netstandard2.0)
      Microsoft.NETCore.Targets (>= 1.1) - restriction: || (&& (== net46) (< net45)) (&& (== net46) (< portable-net45+win8+wp8+wpa81)) (== netcoreapp2.0) (== netstandard1.6) (== netstandard2.0)
      System.Runtime (>= 4.3) - restriction: || (&& (== net46) (< net45)) (&& (== net46) (< portable-net45+win8+wp8+wpa81)) (== netcoreapp2.0) (== netstandard1.6) (== netstandard2.0)
    System.Reflection.TypeExtensions (4.4) - restriction: || (&& (== net46) (>= netcoreapp1.0)) (&& (== net46) (>= netstandard1.5) (>= uap10.0)) (== netcoreapp2.0) (&& (== netstandard1.6) (>= netcoreapp1.0)) (&& (== netstandard1.6) (>= uap10.0)) (&& (== netstandard2.0) (>= netcoreapp1.0)) (&& (== netstandard2.0) (>= uap10.0))
    System.Resources.ResourceManager (4.3) - restriction: || (&& (== net46) (>= netcoreapp1.0)) (&& (== net46) (>= uap10.0)) (== netcoreapp2.0) (&& (== netstandard1.6) (>= netcoreapp1.0)) (&& (== netstandard1.6) (>= uap10.0)) (&& (== netstandard2.0) (>= netcoreapp1.0)) (&& (== netstandard2.0) (>= uap10.0))
      Microsoft.NETCore.Platforms (>= 1.1) - restriction: || (&& (== net46) (< net45)) (&& (== net46) (< portable-net45+win8+wp8+wpa81)) (== netcoreapp2.0) (== netstandard1.6) (== netstandard2.0)
      Microsoft.NETCore.Targets (>= 1.1) - restriction: || (&& (== net46) (< net45)) (&& (== net46) (< portable-net45+win8+wp8+wpa81)) (== netcoreapp2.0) (== netstandard1.6) (== netstandard2.0)
      System.Globalization (>= 4.3) - restriction: || (&& (== net46) (< net45)) (&& (== net46) (< portable-net45+win8+wp8+wpa81)) (== netcoreapp2.0) (== netstandard1.6) (== netstandard2.0)
      System.Reflection (>= 4.3) - restriction: || (&& (== net46) (< net45)) (&& (== net46) (< portable-net45+win8+wp8+wpa81)) (== netcoreapp2.0) (== netstandard1.6) (== netstandard2.0)
      System.Runtime (>= 4.3) - restriction: || (&& (== net46) (< net45)) (&& (== net46) (< portable-net45+win8+wp8+wpa81)) (== netcoreapp2.0) (== netstandard1.6) (== netstandard2.0)
    System.Runtime (4.3) - restriction: || (&& (== net46) (>= netcoreapp1.0)) (&& (== net46) (>= uap10.0)) (== netcoreapp2.0) (&& (== netstandard1.6) (>= netcoreapp1.0)) (&& (== netstandard1.6) (>= uap10.0)) (&& (== netstandard2.0) (>= netcoreapp1.0)) (&& (== netstandard2.0) (>= uap10.0))
      Microsoft.NETCore.Platforms (>= 1.1) - restriction: || (&& (== net46) (< net45)) (&& (== net46) (< portable-net45+win8+wp8+wpa81)) (== netcoreapp2.0) (== netstandard1.6) (== netstandard2.0)
      Microsoft.NETCore.Targets (>= 1.1) - restriction: || (&& (== net46) (< net45)) (&& (== net46) (< portable-net45+win8+wp8+wpa81)) (== netcoreapp2.0) (== netstandard1.6) (== netstandard2.0)
    System.Runtime.Extensions (4.3) - restriction: || (&& (== net46) (>= netcoreapp1.0)) (&& (== net46) (>= uap10.0)) (== netcoreapp2.0) (&& (== netstandard1.6) (>= netcoreapp1.0)) (&& (== netstandard1.6) (>= uap10.0)) (&& (== netstandard2.0) (>= netcoreapp1.0)) (&& (== netstandard2.0) (>= uap10.0))
      Microsoft.NETCore.Platforms (>= 1.1) - restriction: || (&& (== net46) (< net45)) (&& (== net46) (< portable-net45+win8+wp8+wpa81)) (== netcoreapp2.0) (== netstandard1.6) (== netstandard2.0)
      Microsoft.NETCore.Targets (>= 1.1) - restriction: || (&& (== net46) (< net45)) (&& (== net46) (< portable-net45+win8+wp8+wpa81)) (== netcoreapp2.0) (== netstandard1.6) (== netstandard2.0)
      System.Runtime (>= 4.3) - restriction: || (&& (== net46) (< net45)) (&& (== net46) (< portable-net45+win8+wp8+wpa81)) (== netcoreapp2.0) (== netstandard1.6) (== netstandard2.0)
    System.Runtime.Handles (4.3) - restriction: || (&& (== net46) (>= netcoreapp1.0)) (&& (== net46) (>= netstandard1.5) (>= uap10.0)) (== netcoreapp2.0) (&& (== netstandard1.6) (>= netcoreapp1.0)) (&& (== netstandard1.6) (>= uap10.0)) (&& (== netstandard2.0) (>= netcoreapp1.0)) (&& (== netstandard2.0) (>= uap10.0))
      Microsoft.NETCore.Platforms (>= 1.1) - restriction: || (== netcoreapp2.0) (== netstandard1.6) (== netstandard2.0)
      Microsoft.NETCore.Targets (>= 1.1) - restriction: || (== netcoreapp2.0) (== netstandard1.6) (== netstandard2.0)
      System.Runtime (>= 4.3) - restriction: || (== netcoreapp2.0) (== netstandard1.6) (== netstandard2.0)
    System.Runtime.InteropServices (4.3) - restriction: || (&& (== net46) (>= netcoreapp1.0)) (&& (== net46) (>= uap10.0)) (== netcoreapp2.0) (&& (== netstandard1.6) (>= netcoreapp1.0)) (&& (== netstandard1.6) (>= uap10.0)) (&& (== netstandard2.0) (>= netcoreapp1.0)) (&& (== netstandard2.0) (>= uap10.0))
      Microsoft.NETCore.Platforms (>= 1.1) - restriction: || (&& (== net46) (< net45)) (&& (== net46) (>= netcoreapp1.1)) (&& (== net46) (< portable-net45+win8+wpa81)) (== netcoreapp2.0) (== netstandard1.6) (== netstandard2.0)
      Microsoft.NETCore.Targets (>= 1.1) - restriction: || (&& (== net46) (< net45)) (&& (== net46) (>= netcoreapp1.1)) (&& (== net46) (< portable-net45+win8+wpa81)) (== netcoreapp2.0) (== netstandard1.6) (== netstandard2.0)
      System.Reflection (>= 4.3) - restriction: || (&& (== net46) (< net45)) (&& (== net46) (>= netcoreapp1.1)) (&& (== net46) (< portable-net45+win8+wpa81)) (== netcoreapp2.0) (== netstandard1.6) (== netstandard2.0)
      System.Reflection.Primitives (>= 4.3) - restriction: || (&& (== net46) (< net45)) (&& (== net46) (>= netcoreapp1.1)) (&& (== net46) (< portable-net45+win8+wpa81)) (== netcoreapp2.0) (== netstandard1.6) (== netstandard2.0)
      System.Runtime (>= 4.3) - restriction: || (&& (== net46) (< net45)) (&& (== net46) (>= net462)) (&& (== net46) (>= netcoreapp1.1)) (&& (== net46) (< portable-net45+win8+wpa81)) (== netcoreapp2.0) (== netstandard1.6) (== netstandard2.0)
      System.Runtime.Handles (>= 4.3) - restriction: || (&& (== net46) (< net45)) (&& (== net46) (>= netcoreapp1.1)) (&& (== net46) (< portable-net45+win8+wpa81)) (== netcoreapp2.0) (== netstandard1.6) (== netstandard2.0)
    System.Runtime.InteropServices.RuntimeInformation (4.3) - restriction: || (&& (== net46) (>= netcoreapp1.0)) (&& (== net46) (>= uap10.0)) (== netcoreapp2.0) (&& (== netstandard1.6) (>= netcoreapp1.0)) (&& (== netstandard1.6) (>= uap10.0)) (&& (== netstandard2.0) (>= netcoreapp1.0)) (&& (== netstandard2.0) (>= uap10.0))
      runtime.native.System (>= 4.3) - restriction: || (&& (== net46) (< net45)) (== netcoreapp2.0) (== netstandard1.6) (== netstandard2.0)
      System.Reflection (>= 4.3) - restriction: || (&& (== net46) (< net45)) (&& (== net46) (< netstandard1.1)) (== netcoreapp2.0) (== netstandard1.6) (== netstandard2.0)
      System.Reflection.Extensions (>= 4.3) - restriction: || (&& (== net46) (< net45)) (&& (== net46) (< netstandard1.1)) (== netcoreapp2.0) (== netstandard1.6) (== netstandard2.0)
      System.Resources.ResourceManager (>= 4.3) - restriction: || (&& (== net46) (< net45)) (&& (== net46) (< netstandard1.1)) (== netcoreapp2.0) (== netstandard1.6) (== netstandard2.0)
      System.Runtime (>= 4.3) - restriction: || (&& (== net46) (< net45)) (&& (== net46) (< netstandard1.1)) (== netcoreapp2.0) (== netstandard1.6) (== netstandard2.0)
      System.Runtime.InteropServices (>= 4.3) - restriction: || (&& (== net46) (< net45)) (== netcoreapp2.0) (== netstandard1.6) (== netstandard2.0)
      System.Threading (>= 4.3) - restriction: || (&& (== net46) (< net45)) (&& (== net46) (< netstandard1.1)) (== netcoreapp2.0) (== netstandard1.6) (== netstandard2.0)
    System.Runtime.Loader (4.3) - restriction: || (&& (== net46) (>= netcoreapp1.0)) (&& (== net46) (>= netstandard1.5) (>= uap10.0)) (== netcoreapp2.0) (&& (== netstandard1.6) (>= netcoreapp1.0)) (&& (== netstandard1.6) (>= uap10.0)) (&& (== netstandard2.0) (>= netcoreapp1.0)) (&& (== netstandard2.0) (>= uap10.0))
      System.IO (>= 4.3) - restriction: || (&& (== net46) (>= netstandard1.5)) (== netcoreapp2.0) (== netstandard1.6) (== netstandard2.0)
      System.Reflection (>= 4.3) - restriction: || (&& (== net46) (>= netstandard1.5)) (== netcoreapp2.0) (== netstandard1.6) (== netstandard2.0)
      System.Runtime (>= 4.3) - restriction: || (&& (== net46) (>= netstandard1.5)) (== netcoreapp2.0) (== netstandard1.6) (== netstandard2.0)
    System.Runtime.Serialization.Formatters (4.3) - restriction: || (&& (== net46) (>= netcoreapp1.0)) (&& (== net46) (>= uap10.0)) (== netcoreapp2.0) (&& (== netstandard1.6) (>= netcoreapp1.0)) (&& (== netstandard1.6) (>= uap10.0)) (&& (== netstandard2.0) (>= netcoreapp1.0)) (&& (== netstandard2.0) (>= uap10.0))
      System.Collections (>= 4.3) - restriction: || (== netcoreapp2.0) (== netstandard1.6) (== netstandard2.0)
      System.Reflection (>= 4.3) - restriction: || (== netcoreapp2.0) (== netstandard1.6) (== netstandard2.0)
      System.Resources.ResourceManager (>= 4.3) - restriction: || (== netcoreapp2.0) (== netstandard1.6) (== netstandard2.0)
      System.Runtime (>= 4.3) - restriction: || (== netcoreapp2.0) (== netstandard1.6) (== netstandard2.0)
      System.Runtime.Serialization.Primitives (>= 4.3)
    System.Runtime.Serialization.Json (4.3) - restriction: || (&& (== net46) (>= netcoreapp1.0)) (&& (== net46) (>= netstandard1.5) (>= uap10.0)) (== netcoreapp2.0) (&& (== netstandard1.6) (>= netcoreapp1.0)) (&& (== netstandard1.6) (>= uap10.0)) (&& (== netstandard2.0) (>= netcoreapp1.0)) (&& (== netstandard2.0) (>= uap10.0))
      System.IO (>= 4.3) - restriction: || (&& (== net46) (< net45)) (&& (== net46) (< portable-net45+win8+wp8+wpa81)) (== netcoreapp2.0) (== netstandard1.6) (== netstandard2.0)
      System.Private.DataContractSerialization (>= 4.3) - restriction: || (&& (== net46) (< net45)) (&& (== net46) (< portable-net45+win8+wp8+wpa81)) (== netcoreapp2.0) (== netstandard1.6) (== netstandard2.0)
      System.Runtime (>= 4.3) - restriction: || (&& (== net46) (< net45)) (&& (== net46) (< portable-net45+win8+wp8+wpa81)) (== netcoreapp2.0) (== netstandard1.6) (== netstandard2.0)
    System.Runtime.Serialization.Primitives (4.3) - restriction: || (&& (== net46) (>= netcoreapp1.0)) (&& (== net46) (>= uap10.0)) (== netcoreapp2.0) (&& (== netstandard1.6) (>= netcoreapp1.0)) (&& (== netstandard1.6) (>= uap10.0)) (&& (== netstandard2.0) (>= netcoreapp1.0)) (&& (== netstandard2.0) (>= uap10.0))
      System.Resources.ResourceManager (>= 4.3) - restriction: || (&& (== net46) (< net45)) (&& (== net46) (< portable-net45+win8+wp8+wpa81)) (== netcoreapp2.0) (== netstandard1.6) (== netstandard2.0)
      System.Runtime (>= 4.3) - restriction: || (&& (== net46) (< net45)) (&& (== net46) (< portable-net45+win8+wp8+wpa81)) (== netcoreapp2.0) (== netstandard1.6) (== netstandard2.0)
    System.Security.AccessControl (4.4.1) - restriction: || (&& (== net46) (>= monoandroid) (>= netcoreapp1.0) (< netstandard1.3)) (&& (== net46) (>= monoandroid) (< netstandard1.3) (>= netstandard1.5) (>= uap10.0)) (&& (== net46) (>= monotouch) (>= netcoreapp1.0)) (&& (== net46) (>= monotouch) (>= uap10.0)) (&& (== net46) (>= net461) (>= netcoreapp1.0)) (&& (== net46) (>= net461) (>= netstandard1.5) (>= uap10.0)) (&& (== net46) (>= netcoreapp1.0) (>= netstandard2.0)) (&& (== net46) (>= netcoreapp1.0) (>= xamarinios)) (&& (== net46) (>= netcoreapp1.0) (>= xamarinmac)) (&& (== net46) (>= netcoreapp1.0) (>= xamarintvos)) (&& (== net46) (>= netcoreapp1.0) (>= xamarinwatchos)) (&& (== net46) (>= netcoreapp2.0)) (&& (== net46) (>= netstandard2.0) (>= uap10.0)) (&& (== net46) (>= uap10.0) (>= xamarinios)) (&& (== net46) (>= uap10.0) (>= xamarinmac)) (&& (== net46) (>= uap10.0) (>= xamarintvos)) (&& (== net46) (>= uap10.0) (>= xamarinwatchos)) (== netcoreapp2.0) (&& (== netstandard1.6) (>= monoandroid) (>= netcoreapp1.0) (< netstandard1.3)) (&& (== netstandard1.6) (>= monoandroid) (< netstandard1.3) (>= uap10.0)) (&& (== netstandard1.6) (>= monotouch) (>= netcoreapp1.0)) (&& (== netstandard1.6) (>= monotouch) (>= uap10.0)) (&& (== netstandard1.6) (>= net461) (>= netcoreapp1.0)) (&& (== netstandard1.6) (>= net461) (>= uap10.0)) (&& (== netstandard1.6) (>= netcoreapp1.0) (>= netstandard2.0)) (&& (== netstandard1.6) (>= netcoreapp1.0) (>= xamarinios)) (&& (== netstandard1.6) (>= netcoreapp1.0) (>= xamarinmac)) (&& (== netstandard1.6) (>= netcoreapp1.0) (>= xamarintvos)) (&& (== netstandard1.6) (>= netcoreapp1.0) (>= xamarinwatchos)) (&& (== netstandard1.6) (>= netcoreapp2.0)) (&& (== netstandard1.6) (>= netstandard2.0) (>= uap10.0)) (&& (== netstandard1.6) (>= uap10.0) (>= xamarinios)) (&& (== netstandard1.6) (>= uap10.0) (>= xamarinmac)) (&& (== netstandard1.6) (>= uap10.0) (>= xamarintvos)) (&& (== netstandard1.6) (>= uap10.0) (>= xamarinwatchos)) (&& (== netstandard2.0) (>= netcoreapp1.0)) (&& (== netstandard2.0) (>= netcoreapp2.0)) (&& (== netstandard2.0) (>= uap10.0))
      Microsoft.NETCore.Platforms (>= 2.0) - restriction: || (&& (== net46) (>= netcoreapp2.0)) (== netcoreapp2.0) (&& (== netstandard1.6) (>= netcoreapp2.0)) (&& (== netstandard2.0) (>= netcoreapp2.0))
      System.Security.Principal.Windows (>= 4.4)
    System.Security.Principal.Windows (4.4.1) - restriction: || (&& (== net46) (>= monoandroid) (>= netcoreapp1.0) (< netstandard1.3)) (&& (== net46) (>= monoandroid) (< netstandard1.3) (>= netstandard1.5) (>= uap10.0)) (&& (== net46) (>= monotouch) (>= netcoreapp1.0)) (&& (== net46) (>= monotouch) (>= uap10.0)) (&& (== net46) (>= net461) (>= netcoreapp1.0)) (&& (== net46) (>= net461) (>= netstandard1.5) (>= uap10.0)) (&& (== net46) (>= netcoreapp1.0) (>= netstandard2.0)) (&& (== net46) (>= netcoreapp1.0) (>= xamarinios)) (&& (== net46) (>= netcoreapp1.0) (>= xamarinmac)) (&& (== net46) (>= netcoreapp1.0) (>= xamarintvos)) (&& (== net46) (>= netcoreapp1.0) (>= xamarinwatchos)) (&& (== net46) (>= netcoreapp2.0)) (&& (== net46) (>= netstandard2.0) (>= uap10.0)) (&& (== net46) (>= uap10.0) (>= xamarinios)) (&& (== net46) (>= uap10.0) (>= xamarinmac)) (&& (== net46) (>= uap10.0) (>= xamarintvos)) (&& (== net46) (>= uap10.0) (>= xamarinwatchos)) (== netcoreapp2.0) (&& (== netstandard1.6) (>= monoandroid) (>= netcoreapp1.0) (< netstandard1.3)) (&& (== netstandard1.6) (>= monoandroid) (< netstandard1.3) (>= uap10.0)) (&& (== netstandard1.6) (>= monotouch) (>= netcoreapp1.0)) (&& (== netstandard1.6) (>= monotouch) (>= uap10.0)) (&& (== netstandard1.6) (>= net461) (>= netcoreapp1.0)) (&& (== netstandard1.6) (>= net461) (>= uap10.0)) (&& (== netstandard1.6) (>= netcoreapp1.0) (>= netstandard2.0)) (&& (== netstandard1.6) (>= netcoreapp1.0) (>= xamarinios)) (&& (== netstandard1.6) (>= netcoreapp1.0) (>= xamarinmac)) (&& (== netstandard1.6) (>= netcoreapp1.0) (>= xamarintvos)) (&& (== netstandard1.6) (>= netcoreapp1.0) (>= xamarinwatchos)) (&& (== netstandard1.6) (>= netcoreapp2.0)) (&& (== netstandard1.6) (>= netstandard2.0) (>= uap10.0)) (&& (== netstandard1.6) (>= uap10.0) (>= xamarinios)) (&& (== netstandard1.6) (>= uap10.0) (>= xamarinmac)) (&& (== netstandard1.6) (>= uap10.0) (>= xamarintvos)) (&& (== netstandard1.6) (>= uap10.0) (>= xamarinwatchos)) (&& (== netstandard2.0) (>= netcoreapp1.0)) (&& (== netstandard2.0) (>= netcoreapp2.0)) (&& (== netstandard2.0) (>= uap10.0))
      Microsoft.NETCore.Platforms (>= 2.0) - restriction: || (&& (== net46) (>= netcoreapp2.0)) (== netcoreapp2.0) (&& (== netstandard1.6) (>= netcoreapp2.0)) (&& (== netstandard2.0) (>= netcoreapp2.0))
    System.Text.Encoding (4.3) - restriction: || (&& (== net46) (>= netcoreapp1.0)) (&& (== net46) (>= uap10.0)) (== netcoreapp2.0) (&& (== netstandard1.6) (>= netcoreapp1.0)) (&& (== netstandard1.6) (>= uap10.0)) (&& (== netstandard2.0) (>= netcoreapp1.0)) (&& (== netstandard2.0) (>= uap10.0))
      Microsoft.NETCore.Platforms (>= 1.1) - restriction: || (&& (== net46) (< net45)) (&& (== net46) (< portable-net45+win8+wp8+wpa81)) (== netcoreapp2.0) (== netstandard1.6) (== netstandard2.0)
      Microsoft.NETCore.Targets (>= 1.1) - restriction: || (&& (== net46) (< net45)) (&& (== net46) (< portable-net45+win8+wp8+wpa81)) (== netcoreapp2.0) (== netstandard1.6) (== netstandard2.0)
      System.Runtime (>= 4.3) - restriction: || (&& (== net46) (< net45)) (&& (== net46) (< portable-net45+win8+wp8+wpa81)) (== netcoreapp2.0) (== netstandard1.6) (== netstandard2.0)
    System.Text.Encoding.Extensions (4.3) - restriction: || (&& (== net46) (>= netcoreapp1.0)) (&& (== net46) (>= netstandard1.5) (>= uap10.0)) (== netcoreapp2.0) (&& (== netstandard1.6) (>= netcoreapp1.0)) (&& (== netstandard1.6) (>= uap10.0)) (&& (== netstandard2.0) (>= netcoreapp1.0)) (&& (== netstandard2.0) (>= uap10.0))
      Microsoft.NETCore.Platforms (>= 1.1) - restriction: || (&& (== net46) (< net45)) (&& (== net46) (< portable-net45+win8+wp8+wpa81)) (== netcoreapp2.0) (== netstandard1.6) (== netstandard2.0)
      Microsoft.NETCore.Targets (>= 1.1) - restriction: || (&& (== net46) (< net45)) (&& (== net46) (< portable-net45+win8+wp8+wpa81)) (== netcoreapp2.0) (== netstandard1.6) (== netstandard2.0)
      System.Runtime (>= 4.3) - restriction: || (&& (== net46) (< net45)) (&& (== net46) (< portable-net45+win8+wp8+wpa81)) (== netcoreapp2.0) (== netstandard1.6) (== netstandard2.0)
      System.Text.Encoding (>= 4.3) - restriction: || (&& (== net46) (< net45)) (&& (== net46) (< portable-net45+win8+wp8+wpa81)) (== netcoreapp2.0) (== netstandard1.6) (== netstandard2.0)
    System.Text.RegularExpressions (4.3) - restriction: || (&& (== net46) (>= netcoreapp1.0)) (&& (== net46) (>= uap10.0)) (== netcoreapp2.0) (&& (== netstandard1.6) (>= netcoreapp1.0)) (&& (== netstandard1.6) (>= uap10.0)) (&& (== netstandard2.0) (>= netcoreapp1.0)) (&& (== netstandard2.0) (>= uap10.0))
      System.Runtime (>= 4.3) - restriction: || (&& (== net46) (< net45)) (&& (== net46) (>= netcoreapp1.1)) (&& (== net46) (< portable-net45+win8+wp8+wpa81)) (== netcoreapp2.0) (== netstandard1.6) (== netstandard2.0)
    System.Threading (4.3) - restriction: || (&& (== net46) (>= netcoreapp1.0)) (&& (== net46) (>= uap10.0)) (== netcoreapp2.0) (&& (== netstandard1.6) (>= netcoreapp1.0)) (&& (== netstandard1.6) (>= uap10.0)) (&& (== netstandard2.0) (>= netcoreapp1.0)) (&& (== netstandard2.0) (>= uap10.0))
      System.Runtime (>= 4.3) - restriction: || (&& (== net46) (< net45)) (&& (== net46) (< portable-net45+win8+wp8+wpa81)) (== netcoreapp2.0) (== netstandard1.6) (== netstandard2.0)
      System.Threading.Tasks (>= 4.3) - restriction: || (&& (== net46) (< net45)) (&& (== net46) (< portable-net45+win8+wp8+wpa81)) (== netcoreapp2.0) (== netstandard1.6) (== netstandard2.0)
    System.Threading.Tasks (4.3) - restriction: || (&& (== net46) (>= netcoreapp1.0)) (&& (== net46) (>= netstandard1.5) (>= uap10.0)) (== netcoreapp2.0) (&& (== netstandard1.6) (>= netcoreapp1.0)) (&& (== netstandard1.6) (>= uap10.0)) (&& (== netstandard2.0) (>= netcoreapp1.0)) (&& (== netstandard2.0) (>= uap10.0))
      Microsoft.NETCore.Platforms (>= 1.1) - restriction: || (&& (== net46) (< net45)) (&& (== net46) (< portable-net45+win8+wp8+wpa81)) (== netcoreapp2.0) (== netstandard1.6) (== netstandard2.0)
      Microsoft.NETCore.Targets (>= 1.1) - restriction: || (&& (== net46) (< net45)) (&& (== net46) (< portable-net45+win8+wp8+wpa81)) (== netcoreapp2.0) (== netstandard1.6) (== netstandard2.0)
      System.Runtime (>= 4.3) - restriction: || (&& (== net46) (< net45)) (&& (== net46) (< portable-net45+win8+wp8+wpa81)) (== netcoreapp2.0) (== netstandard1.6) (== netstandard2.0)
    System.Threading.Tasks.Extensions (4.4) - restriction: || (&& (== net46) (>= netcoreapp1.0)) (&& (== net46) (>= uap10.0)) (== netcoreapp2.0) (&& (== netstandard1.6) (>= netcoreapp1.0)) (&& (== netstandard1.6) (>= uap10.0)) (&& (== netstandard2.0) (>= netcoreapp1.0)) (&& (== netstandard2.0) (>= uap10.0))
    System.Threading.Thread (4.3) - restriction: || (&& (== net46) (>= netcoreapp1.0)) (&& (== net46) (>= netstandard1.5) (>= uap10.0)) (== netcoreapp2.0) (&& (== netstandard1.6) (>= netcoreapp1.0)) (&& (== netstandard1.6) (>= uap10.0)) (&& (== netstandard2.0) (>= netcoreapp1.0)) (&& (== netstandard2.0) (>= uap10.0))
      System.Runtime (>= 4.3) - restriction: || (== netcoreapp2.0) (== netstandard1.6) (== netstandard2.0)
    System.Threading.ThreadPool (4.3) - restriction: || (&& (== net46) (>= netcoreapp1.0)) (&& (== net46) (>= netstandard1.5) (>= uap10.0)) (== netcoreapp2.0) (&& (== netstandard1.6) (>= netcoreapp1.0)) (&& (== netstandard1.6) (>= uap10.0)) (&& (== netstandard2.0) (>= netcoreapp1.0)) (&& (== netstandard2.0) (>= uap10.0))
      System.Runtime (>= 4.3) - restriction: || (== netcoreapp2.0) (== netstandard1.6) (== netstandard2.0)
      System.Runtime.Handles (>= 4.3) - restriction: || (== netcoreapp2.0) (== netstandard1.6) (== netstandard2.0)
    System.Xml.ReaderWriter (4.3.1) - restriction: || (&& (== net46) (>= netcoreapp1.0)) (&& (== net46) (>= uap10.0)) (== netcoreapp2.0) (&& (== netstandard1.6) (>= netcoreapp1.0)) (&& (== netstandard1.6) (>= uap10.0)) (&& (== netstandard2.0) (>= netcoreapp1.0)) (&& (== netstandard2.0) (>= uap10.0))
      System.Collections (>= 4.3) - restriction: || (&& (== net46) (< net45)) (&& (== net46) (< portable-net45+win8+wp8+wpa81)) (== netcoreapp2.0) (== netstandard1.6) (== netstandard2.0)
      System.Diagnostics.Debug (>= 4.3) - restriction: || (&& (== net46) (< net45)) (&& (== net46) (< portable-net45+win8+wp8+wpa81)) (== netcoreapp2.0) (== netstandard1.6) (== netstandard2.0)
      System.Globalization (>= 4.3) - restriction: || (&& (== net46) (< net45)) (&& (== net46) (< portable-net45+win8+wp8+wpa81)) (== netcoreapp2.0) (== netstandard1.6) (== netstandard2.0)
      System.IO (>= 4.3) - restriction: || (&& (== net46) (< net45)) (&& (== net46) (< portable-net45+win8+wp8+wpa81)) (== netcoreapp2.0) (== netstandard1.6) (== netstandard2.0)
      System.IO.FileSystem (>= 4.3) - restriction: || (&& (== net46) (< net45)) (&& (== net46) (< portable-net45+win8+wp8+wpa81)) (== netcoreapp2.0) (== netstandard1.6) (== netstandard2.0)
      System.IO.FileSystem.Primitives (>= 4.3) - restriction: || (&& (== net46) (< net45)) (&& (== net46) (< portable-net45+win8+wp8+wpa81)) (== netcoreapp2.0) (== netstandard1.6) (== netstandard2.0)
      System.Resources.ResourceManager (>= 4.3) - restriction: || (&& (== net46) (< net45)) (&& (== net46) (< portable-net45+win8+wp8+wpa81)) (== netcoreapp2.0) (== netstandard1.6) (== netstandard2.0)
      System.Runtime (>= 4.3) - restriction: || (&& (== net46) (< net45)) (&& (== net46) (< portable-net45+win8+wp8+wpa81)) (== netcoreapp2.0) (== netstandard1.6) (== netstandard2.0)
      System.Runtime.Extensions (>= 4.3) - restriction: || (&& (== net46) (< net45)) (&& (== net46) (< portable-net45+win8+wp8+wpa81)) (== netcoreapp2.0) (== netstandard1.6) (== netstandard2.0)
      System.Runtime.InteropServices (>= 4.3) - restriction: || (&& (== net46) (< net45)) (&& (== net46) (< portable-net45+win8+wp8+wpa81)) (== netcoreapp2.0) (== netstandard1.6) (== netstandard2.0)
      System.Text.Encoding (>= 4.3) - restriction: || (&& (== net46) (< net45)) (&& (== net46) (< portable-net45+win8+wp8+wpa81)) (== netcoreapp2.0) (== netstandard1.6) (== netstandard2.0)
      System.Text.Encoding.Extensions (>= 4.3) - restriction: || (&& (== net46) (< net45)) (&& (== net46) (< portable-net45+win8+wp8+wpa81)) (== netcoreapp2.0) (== netstandard1.6) (== netstandard2.0)
      System.Text.RegularExpressions (>= 4.3) - restriction: || (&& (== net46) (< net45)) (&& (== net46) (< portable-net45+win8+wp8+wpa81)) (== netcoreapp2.0) (== netstandard1.6) (== netstandard2.0)
      System.Threading.Tasks (>= 4.3) - restriction: || (&& (== net46) (< net45)) (&& (== net46) (< portable-net45+win8+wp8+wpa81)) (== netcoreapp2.0) (== netstandard1.6) (== netstandard2.0)
      System.Threading.Tasks.Extensions (>= 4.3) - restriction: || (&& (== net46) (< net45)) (&& (== net46) (< portable-net45+win8+wp8+wpa81)) (== netcoreapp2.0) (== netstandard1.6) (== netstandard2.0)
    System.Xml.XDocument (4.3) - restriction: || (&& (== net46) (>= netcoreapp1.0)) (&& (== net46) (>= netstandard1.5) (>= uap10.0)) (== netcoreapp2.0) (&& (== netstandard1.6) (>= netcoreapp1.0)) (&& (== netstandard1.6) (>= uap10.0)) (&& (== netstandard2.0) (>= netcoreapp1.0)) (&& (== netstandard2.0) (>= uap10.0))
      System.Collections (>= 4.3) - restriction: || (&& (== net46) (< net45)) (&& (== net46) (< portable-net45+win8+wp8+wpa81)) (== netcoreapp2.0) (== netstandard1.6) (== netstandard2.0)
      System.Diagnostics.Debug (>= 4.3) - restriction: || (&& (== net46) (< net45)) (&& (== net46) (< portable-net45+win8+wp8+wpa81)) (== netcoreapp2.0) (== netstandard1.6) (== netstandard2.0)
      System.Diagnostics.Tools (>= 4.3) - restriction: || (&& (== net46) (< net45)) (&& (== net46) (< portable-net45+win8+wp8+wpa81)) (== netcoreapp2.0) (== netstandard1.6) (== netstandard2.0)
      System.Globalization (>= 4.3) - restriction: || (&& (== net46) (< net45)) (&& (== net46) (< portable-net45+win8+wp8+wpa81)) (== netcoreapp2.0) (== netstandard1.6) (== netstandard2.0)
      System.IO (>= 4.3) - restriction: || (&& (== net46) (< net45)) (&& (== net46) (< portable-net45+win8+wp8+wpa81)) (== netcoreapp2.0) (== netstandard1.6) (== netstandard2.0)
      System.Reflection (>= 4.3) - restriction: || (&& (== net46) (< net45)) (&& (== net46) (< portable-net45+win8+wp8+wpa81)) (== netcoreapp2.0) (== netstandard1.6) (== netstandard2.0)
      System.Resources.ResourceManager (>= 4.3) - restriction: || (&& (== net46) (< net45)) (&& (== net46) (< portable-net45+win8+wp8+wpa81)) (== netcoreapp2.0) (== netstandard1.6) (== netstandard2.0)
      System.Runtime (>= 4.3) - restriction: || (&& (== net46) (< net45)) (&& (== net46) (< portable-net45+win8+wp8+wpa81)) (== netcoreapp2.0) (== netstandard1.6) (== netstandard2.0)
      System.Runtime.Extensions (>= 4.3) - restriction: || (&& (== net46) (< net45)) (&& (== net46) (< portable-net45+win8+wp8+wpa81)) (== netcoreapp2.0) (== netstandard1.6) (== netstandard2.0)
      System.Text.Encoding (>= 4.3) - restriction: || (&& (== net46) (< net45)) (&& (== net46) (< portable-net45+win8+wp8+wpa81)) (== netcoreapp2.0) (== netstandard1.6) (== netstandard2.0)
      System.Threading (>= 4.3) - restriction: || (&& (== net46) (< net45)) (&& (== net46) (< portable-net45+win8+wp8+wpa81)) (== netcoreapp2.0) (== netstandard1.6) (== netstandard2.0)
      System.Xml.ReaderWriter (>= 4.3) - restriction: || (&& (== net46) (< net45)) (&& (== net46) (< portable-net45+win8+wp8+wpa81)) (== netcoreapp2.0) (== netstandard1.6) (== netstandard2.0)
    System.Xml.XmlDocument (4.3) - restriction: || (&& (== net46) (>= netcoreapp1.0)) (&& (== net46) (>= uap10.0)) (== netcoreapp2.0) (&& (== netstandard1.6) (>= netcoreapp1.0)) (&& (== netstandard1.6) (>= uap10.0)) (&& (== netstandard2.0) (>= netcoreapp1.0)) (&& (== netstandard2.0) (>= uap10.0))
      System.Collections (>= 4.3) - restriction: || (== netcoreapp2.0) (== netstandard1.6) (== netstandard2.0)
      System.Diagnostics.Debug (>= 4.3) - restriction: || (== netcoreapp2.0) (== netstandard1.6) (== netstandard2.0)
      System.Globalization (>= 4.3) - restriction: || (== netcoreapp2.0) (== netstandard1.6) (== netstandard2.0)
      System.IO (>= 4.3) - restriction: || (== netcoreapp2.0) (== netstandard1.6) (== netstandard2.0)
      System.Resources.ResourceManager (>= 4.3) - restriction: || (== netcoreapp2.0) (== netstandard1.6) (== netstandard2.0)
      System.Runtime (>= 4.3) - restriction: || (== netcoreapp2.0) (== netstandard1.6) (== netstandard2.0)
      System.Runtime.Extensions (>= 4.3) - restriction: || (== netcoreapp2.0) (== netstandard1.6) (== netstandard2.0)
      System.Text.Encoding (>= 4.3) - restriction: || (== netcoreapp2.0) (== netstandard1.6) (== netstandard2.0)
      System.Threading (>= 4.3) - restriction: || (== netcoreapp2.0) (== netstandard1.6) (== netstandard2.0)
      System.Xml.ReaderWriter (>= 4.3) - restriction: || (== netcoreapp2.0) (== netstandard1.6) (== netstandard2.0)
    System.Xml.XmlSerializer (4.3) - restriction: || (&& (== net46) (>= netcoreapp1.0)) (&& (== net46) (>= netstandard1.5) (>= uap10.0)) (== netcoreapp2.0) (&& (== netstandard1.6) (>= netcoreapp1.0)) (&& (== netstandard1.6) (>= uap10.0)) (&& (== netstandard2.0) (>= netcoreapp1.0)) (&& (== netstandard2.0) (>= uap10.0))
      System.Collections (>= 4.3) - restriction: || (&& (== net46) (< net45)) (&& (== net46) (< portable-net45+win8+wp8+wpa81)) (== netcoreapp2.0) (== netstandard1.6) (== netstandard2.0)
      System.Globalization (>= 4.3) - restriction: || (&& (== net46) (< net45)) (&& (== net46) (< portable-net45+win8+wp8+wpa81)) (== netcoreapp2.0) (== netstandard1.6) (== netstandard2.0)
      System.IO (>= 4.3) - restriction: || (&& (== net46) (< net45)) (&& (== net46) (< portable-net45+win8+wp8+wpa81)) (== netcoreapp2.0) (== netstandard1.6) (== netstandard2.0)
      System.Linq (>= 4.3) - restriction: || (&& (== net46) (< net45)) (&& (== net46) (< portable-net45+win8+wp8+wpa81)) (== netcoreapp2.0) (== netstandard1.6) (== netstandard2.0)
      System.Reflection (>= 4.3) - restriction: || (&& (== net46) (< net45)) (&& (== net46) (< portable-net45+win8+wp8+wpa81)) (== netcoreapp2.0) (== netstandard1.6) (== netstandard2.0)
      System.Reflection.Emit (>= 4.3) - restriction: || (&& (== net46) (< net45)) (&& (== net46) (< portable-net45+win8+wp8+wpa81)) (== netcoreapp2.0) (== netstandard1.6) (== netstandard2.0)
      System.Reflection.Emit.ILGeneration (>= 4.3) - restriction: || (&& (== net46) (< net45)) (&& (== net46) (< portable-net45+win8+wp8+wpa81)) (== netcoreapp2.0) (== netstandard1.6) (== netstandard2.0)
      System.Reflection.Extensions (>= 4.3) - restriction: || (&& (== net46) (< net45)) (&& (== net46) (< portable-net45+win8+wp8+wpa81)) (== netcoreapp2.0) (== netstandard1.6) (== netstandard2.0)
      System.Reflection.Primitives (>= 4.3) - restriction: || (&& (== net46) (< net45)) (&& (== net46) (< portable-net45+win8+wp8+wpa81)) (== netcoreapp2.0) (== netstandard1.6) (== netstandard2.0)
      System.Reflection.TypeExtensions (>= 4.3) - restriction: || (&& (== net46) (< net45)) (&& (== net46) (< portable-net45+win8+wp8+wpa81)) (== netcoreapp2.0) (== netstandard1.6) (== netstandard2.0)
      System.Resources.ResourceManager (>= 4.3) - restriction: || (&& (== net46) (< net45)) (&& (== net46) (< portable-net45+win8+wp8+wpa81)) (== netcoreapp2.0) (== netstandard1.6) (== netstandard2.0)
      System.Runtime (>= 4.3) - restriction: || (&& (== net46) (< net45)) (&& (== net46) (< portable-net45+win8+wp8+wpa81)) (== netcoreapp2.0) (== netstandard1.6) (== netstandard2.0)
      System.Runtime.Extensions (>= 4.3) - restriction: || (&& (== net46) (< net45)) (&& (== net46) (< portable-net45+win8+wp8+wpa81)) (== netcoreapp2.0) (== netstandard1.6) (== netstandard2.0)
      System.Text.RegularExpressions (>= 4.3) - restriction: || (&& (== net46) (< net45)) (&& (== net46) (< portable-net45+win8+wp8+wpa81)) (== netcoreapp2.0) (== netstandard1.6) (== netstandard2.0)
      System.Threading (>= 4.3) - restriction: || (&& (== net46) (< net45)) (&& (== net46) (< portable-net45+win8+wp8+wpa81)) (== netcoreapp2.0) (== netstandard1.6) (== netstandard2.0)
      System.Xml.ReaderWriter (>= 4.3) - restriction: || (&& (== net46) (< net45)) (&& (== net46) (< portable-net45+win8+wp8+wpa81)) (== netcoreapp2.0) (== netstandard1.6) (== netstandard2.0)
      System.Xml.XmlDocument (>= 4.3) - restriction: || (&& (== net46) (< net45)) (&& (== net46) (< portable-net45+win8+wp8+wpa81)) (== netcoreapp2.0) (== netstandard1.6) (== netstandard2.0)
    System.Xml.XPath (4.3) - restriction: || (&& (== net46) (>= netcoreapp1.0)) (&& (== net46) (>= netstandard1.5) (>= uap10.0)) (== netcoreapp2.0) (&& (== netstandard1.6) (>= netcoreapp1.0)) (&& (== netstandard1.6) (>= uap10.0)) (&& (== netstandard2.0) (>= netcoreapp1.0)) (&& (== netstandard2.0) (>= uap10.0))
      System.Collections (>= 4.3) - restriction: || (== netcoreapp2.0) (== netstandard1.6) (== netstandard2.0)
      System.Diagnostics.Debug (>= 4.3) - restriction: || (== netcoreapp2.0) (== netstandard1.6) (== netstandard2.0)
      System.Globalization (>= 4.3) - restriction: || (== netcoreapp2.0) (== netstandard1.6) (== netstandard2.0)
      System.IO (>= 4.3) - restriction: || (== netcoreapp2.0) (== netstandard1.6) (== netstandard2.0)
      System.Resources.ResourceManager (>= 4.3) - restriction: || (== netcoreapp2.0) (== netstandard1.6) (== netstandard2.0)
      System.Runtime (>= 4.3) - restriction: || (== netcoreapp2.0) (== netstandard1.6) (== netstandard2.0)
      System.Runtime.Extensions (>= 4.3) - restriction: || (== netcoreapp2.0) (== netstandard1.6) (== netstandard2.0)
      System.Threading (>= 4.3) - restriction: || (== netcoreapp2.0) (== netstandard1.6) (== netstandard2.0)
      System.Xml.ReaderWriter (>= 4.3) - restriction: || (== netcoreapp2.0) (== netstandard1.6) (== netstandard2.0)
    System.Xml.XPath.XmlDocument (4.3) - restriction: || (&& (== net46) (>= netcoreapp1.0)) (&& (== net46) (>= netstandard1.5) (>= uap10.0)) (== netcoreapp2.0) (&& (== netstandard1.6) (>= netcoreapp1.0)) (&& (== netstandard1.6) (>= uap10.0)) (&& (== netstandard2.0) (>= netcoreapp1.0)) (&& (== netstandard2.0) (>= uap10.0))
      System.Collections (>= 4.3) - restriction: || (== netcoreapp2.0) (== netstandard1.6) (== netstandard2.0)
      System.Globalization (>= 4.3) - restriction: || (== netcoreapp2.0) (== netstandard1.6) (== netstandard2.0)
      System.IO (>= 4.3) - restriction: || (== netcoreapp2.0) (== netstandard1.6) (== netstandard2.0)
      System.Resources.ResourceManager (>= 4.3) - restriction: || (== netcoreapp2.0) (== netstandard1.6) (== netstandard2.0)
      System.Runtime (>= 4.3) - restriction: || (== netcoreapp2.0) (== netstandard1.6) (== netstandard2.0)
      System.Runtime.Extensions (>= 4.3) - restriction: || (== netcoreapp2.0) (== netstandard1.6) (== netstandard2.0)
      System.Threading (>= 4.3) - restriction: || (== netcoreapp2.0) (== netstandard1.6) (== netstandard2.0)
      System.Xml.ReaderWriter (>= 4.3) - restriction: || (== netcoreapp2.0) (== netstandard1.6) (== netstandard2.0)
      System.Xml.XmlDocument (>= 4.3)
      System.Xml.XPath (>= 4.3)
    xunit (2.3.1)
      xunit.analyzers (>= 0.7)
      xunit.assert (2.3.1)
      xunit.core (2.3.1)
    xunit.abstractions (2.0.1)
      NETStandard.Library (>= 1.6) - restriction: || (&& (== net46) (< net35)) (== netcoreapp2.0) (== netstandard1.6) (== netstandard2.0)
    xunit.analyzers (0.8)
    xunit.assert (2.3.1)
      NETStandard.Library (>= 1.6.1) - restriction: || (&& (== net46) (< net452)) (== netcoreapp2.0) (== netstandard1.6) (== netstandard2.0)
    xunit.core (2.3.1)
      xunit.extensibility.core (2.3.1)
      xunit.extensibility.execution (2.3.1)
    xunit.extensibility.core (2.3.1)
      NETStandard.Library (>= 1.6.1) - restriction: || (&& (== net46) (< net452)) (== netcoreapp2.0) (== netstandard1.6) (== netstandard2.0)
      xunit.abstractions (>= 2.0.1)
    xunit.extensibility.execution (2.3.1)
      NETStandard.Library (>= 1.6.1) - restriction: || (&& (== net46) (< net452)) (== netcoreapp2.0) (== netstandard1.6) (== netstandard2.0)
      xunit.extensibility.core (2.3.1)
    xunit.runner.visualstudio (2.3.1)
      Microsoft.NET.Test.Sdk (>= 15.0) - restriction: || (&& (== net46) (>= netcoreapp1.0)) (== netcoreapp2.0) (&& (== netstandard1.6) (>= netcoreapp1.0)) (&& (== netstandard2.0) (>= netcoreapp1.0))
